GIT
  remote: https://github.com/juliocesar/rack-noie.git
  revision: ce8313c6f327e5c524e3e903a05044ec31c98fd8
  ref: ce8313c6f327e5c524e3e903a05044ec31c98fd8
  specs:
    rack-noie (1.0)

GEM
  remote: https://rubygems.org/
  specs:
    Ascii85 (1.0.2)
    RedCloth (4.2.9)
    actionmailer (4.2.1)
      actionpack (= 4.2.1)
      actionview (= 4.2.1)
      activejob (= 4.2.1)
      mail (~> 2.5, >= 2.5.4)
      rails-dom-testing (~> 1.0, >= 1.0.5)
    actionpack (4.2.1)
      actionview (= 4.2.1)
      activesupport (= 4.2.1)
      rack (~> 1.6)
      rack-test (~> 0.6.2)
      rails-dom-testing (~> 1.0, >= 1.0.5)
      rails-html-sanitizer (~> 1.0, >= 1.0.1)
    actionview (4.2.1)
      activesupport (= 4.2.1)
      builder (~> 3.1)
      erubis (~> 2.7.0)
      rails-dom-testing (~> 1.0, >= 1.0.5)
      rails-html-sanitizer (~> 1.0, >= 1.0.1)
    activejob (4.2.1)
      activesupport (= 4.2.1)
      globalid (>= 0.3.0)
    activemodel (4.2.1)
      activesupport (= 4.2.1)
      builder (~> 3.1)
    activerecord (4.2.1)
      activemodel (= 4.2.1)
      activesupport (= 4.2.1)
      arel (~> 6.0)
    activesupport (4.2.1)
      i18n (~> 0.7)
      json (~> 1.7, >= 1.7.7)
      minitest (~> 5.1)
      thread_safe (~> 0.3, >= 0.3.4)
      tzinfo (~> 1.1)
    afm (0.2.2)
    annotate (2.6.8)
      activerecord (>= 3.2, <= 4.3)
      rake (~> 10.4)
    arel (6.0.0)
    asciidoctor (1.5.2)
    authpwn_rails (0.17.2)
      rails (>= 4.0.9)
    better_errors (2.1.1)
      coderay (>= 1.0.0)
      erubis (>= 2.6.6)
      rack (>= 0.9.0)
    binary_fixtures (0.1.3)
      rails (>= 4.1.0)
    binding_of_caller (0.7.2)
      debug_inspector (>= 0.0.1)
    builder (3.2.2)
    byebug (4.0.5)
      columnize (= 0.9.0)
    climate_control (0.0.3)
      activesupport (>= 3.0)
    cocaine (0.5.7)
      climate_control (>= 0.0.3, < 1.0)
    coderay (1.1.0)
    coffee-rails (4.1.0)
      coffee-script (>= 2.2.0)
      railties (>= 4.0.0, < 5.0)
    coffee-script (2.4.1)
      coffee-script-source
      execjs
    coffee-script-source (1.9.1.1)
    columnize (0.9.0)
    creole (0.5.0)
    daemons (1.2.2)
    daemonz (0.3.9)
      posix-spawn (>= 0.3.6)
      rails (>= 3.2.8)
      simple-daemon (>= 0.1.2)
      sys-proctable (>= 0.9.1)
      zerg_support (>= 0.1.5)
    debug_inspector (0.0.2)
    delayed_job (4.0.6)
      activesupport (>= 3.0, < 5.0)
    delayed_job_active_record (4.0.3)
      activerecord (>= 3.0, < 5.0)
      delayed_job (>= 3.0, < 4.1)
    dynamic_form (1.1.4)
    erubis (2.7.0)
    eventmachine (1.0.7)
    exception_notification (4.1.0)
      actionmailer (>= 3.0.4)
      activesupport (>= 3.0.4)
    exec_sandbox (0.3.0)
      ffi (>= 1.9.6)
    execjs (2.5.2)
    expression_parser (0.9.0)
    faker (1.4.3)
      i18n (~> 0.5)
    ffi (1.9.8)
    github-markup (1.3.3)
    globalid (0.3.5)
      activesupport (>= 4.1.0)
    gravatar-ultimate (2.0.0)
      activesupport (>= 2.3.14)
      rack
    hashery (2.1.1)
    htmlentities (4.3.3)
    i18n (0.7.0)
    jc-validates_timeliness (3.1.1)
      timeliness (~> 0.3.7)
    jquery-rails (4.0.3)
      rails-dom-testing (~> 1.0)
      railties (>= 4.2.0)
      thor (>= 0.14, < 2.0)
    json (1.8.2)
    loofah (2.0.1)
      nokogiri (>= 1.5.9)
    mail (2.6.3)
      mime-types (>= 1.16, < 3)
    markdpwn (0.2.0)
      RedCloth (>= 4.2.9)
      asciidoctor (>= 0.1.4)
      creole (>= 0.5.0)
      github-markup (>= 1.2.1)
      org-ruby (>= 0.9.7)
      pygments.rb (>= 0.5.2)
      redcarpet (>= 3.1.2)
      wikicloth (>= 0.8.1)
    mime-types (2.4.3)
    mini_portile (0.6.2)
    minitest (5.5.1)
    minitest-rails (2.1.1)
      minitest (~> 5.4)
      railties (~> 4.1)
    mit_stalker (1.0.6)
    mysql2 (0.3.18)
    nokogiri (1.6.6.2)
      mini_portile (~> 0.6.0)
    org-ruby (0.9.12)
      rubypants (~> 0.2)
    paperclip (4.2.1)
      activemodel (>= 3.0.0)
      activesupport (>= 3.0.0)
      cocaine (~> 0.5.3)
      mime-types
    paperclip_database (2.3.1)
      paperclip (>= 2.3.0)
    pdf-reader (1.3.3)
      Ascii85 (~> 1.0.0)
      afm (~> 0.2.0)
      hashery (~> 2.0)
      ruby-rc4
      ttfunk
    posix-spawn (0.3.11)
    prawn (0.12.0)
      pdf-reader (>= 0.9.0)
      ttfunk (~> 1.0.2)
    pwnstyles_rails (0.2.1)
      rails (>= 4.1.8)
      sass-rails (>= 5.0.0)
    pygments.rb (0.6.3)
      posix-spawn (~> 0.3.6)
      yajl-ruby (~> 1.2.0)
    rack (1.6.0)
    rack-test (0.6.3)
      rack (>= 1.0)
    railroady (1.3.0)
    rails (4.2.1)
      actionmailer (= 4.2.1)
      actionpack (= 4.2.1)
      actionview (= 4.2.1)
      activejob (= 4.2.1)
      activemodel (= 4.2.1)
      activerecord (= 4.2.1)
      activesupport (= 4.2.1)
      bundler (>= 1.3.0, < 2.0)
      railties (= 4.2.1)
      sprockets-rails
    rails-deprecated_sanitizer (1.0.3)
      activesupport (>= 4.2.0.alpha)
    rails-dom-testing (1.0.6)
      activesupport (>= 4.2.0.beta, < 5.0)
      nokogiri (~> 1.6.0)
      rails-deprecated_sanitizer (>= 1.0.1)
    rails-html-sanitizer (1.0.2)
      loofah (~> 2.0)
    railties (4.2.1)
      actionpack (= 4.2.1)
      activesupport (= 4.2.1)
      rake (>= 0.8.7)
      thor (>= 0.18.1, < 2.0)
    rake (10.4.2)
    rdoc (4.2.0)
      json (~> 1.4)
    redcarpet (3.2.3)
    rmagick (2.14.0)
    ruby-rc4 (0.1.5)
    rubypants (0.2.0)
    sass (3.4.13)
    sass-rails (5.0.3)
      railties (>= 4.0.0, < 5.0)
      sass (~> 3.1)
      sprockets (>= 2.8, < 4.0)
      sprockets-rails (>= 2.0, < 4.0)
      tilt (~> 1.1)
    sdoc (0.4.1)
      json (~> 1.7, >= 1.7.7)
      rdoc (~> 4.0)
    simple-daemon (0.1.2)
    sprockets (3.0.0)
      rack (~> 1.0)
    sprockets-rails (2.2.4)
      actionpack (>= 3.0)
      activesupport (>= 3.0)
      sprockets (>= 2.8, < 4.0)
    sys-proctable (0.9.6)
    thin (1.6.3)
      daemons (~> 1.0, >= 1.0.9)
      eventmachine (~> 1.0)
      rack (~> 1.0)
    thor (0.19.1)
    thread_safe (0.3.5)
    tilt (1.4.1)
    timeliness (0.3.7)
    trim_blobs (0.0.2)
      activerecord (>= 3.2.0)
    ttfunk (1.0.3)
    twitter-text (1.11.0)
      unf (~> 0.1.0)
    tzinfo (1.2.2)
      thread_safe (~> 0.1)
    uglifier (2.7.1)
      execjs (>= 0.3.0)
      json (>= 1.8.0)
    unf (0.1.4)
      unf_ext
    unf_ext (0.0.6)
    wikicloth (0.8.3)
      builder
      expression_parser
      htmlentities
      nokogiri
      twitter-text
    yajl-ruby (1.2.1)
    zerg_support (0.1.6)
    zip (2.0.2)

PLATFORMS
  ruby

DEPENDENCIES
  annotate (>= 2.6.5)
  authpwn_rails (>= 0.17.2)
  better_errors
  binary_fixtures (>= 0.1.3)
  binding_of_caller
  byebug
  coffee-rails (>= 4.1.0)
  daemons
  daemonz (>= 0.3.9)
  delayed_job (>= 4.0.6)
  delayed_job_active_record (>= 4.0.3)
  dynamic_form (>= 1.1.4)
  exception_notification (>= 4.0.1)
  exec_sandbox (>= 0.3.0)
  faker (>= 1.4.3)
  gravatar-ultimate (>= 2.0.0)
  jc-validates_timeliness (>= 3.1.1)
  jquery-rails (>= 4.0.3)
  mail (>= 2.6.3)
  markdpwn (>= 0.2.0)
  minitest-rails
  mit_stalker (>= 1.0.6)
  mysql2 (>= 0.3.18)
  nokogiri (>= 1.6.6.2)
  paperclip (>= 4.2.1)
  paperclip_database (>= 2.3.1)
  pdf-reader (>= 1.3.3)
  prawn (~> 0.12.0)
  pwnstyles_rails (>= 0.2.1)
  rack-noie (>= 1.0)!
  railroady (>= 1.3.0)
  rails (>= 4.2.1)
  rmagick (>= 2.14.0)
  sass-rails (>= 5.0.3)
  sdoc
  thin (>= 1.6.3)
  trim_blobs
  uglifier (>= 2.7.0)
  zip (>= 2.0.2)
