GIT
  remote: https://github.com/juliocesar/rack-noie.git
  revision: ce8313c6f327e5c524e3e903a05044ec31c98fd8
  ref: ce8313c6f327e5c524e3e903a05044ec31c98fd8
  specs:
    rack-noie (1.0)

GIT
  remote: https://github.com/pwnall/authpwn_rails.git
  revision: 068a380036b9c9878baf9d50f2ffe98660eeb1cc
  branch: rails5
  specs:
    authpwn_rails (0.18.2)
      rails (>= 4.0.13)

GIT
  remote: https://github.com/pwnall/delayed_job.git
  revision: 41cc30ff57e3a8bbf44f3587131befbb6f23daac
  branch: rails5
  specs:
    delayed_job (4.1.0)
      activesupport (>= 3.0)

GIT
  remote: https://github.com/pwnall/delayed_job_active_record.git
  revision: ebfb15404bacbd940e63214ac7327ca811075e1b
  branch: rails5
  specs:
    delayed_job_active_record (4.0.3)
      activerecord (>= 3.0)
      delayed_job (>= 3.0, < 4.2)

GIT
  remote: https://github.com/pwnall/paperclip_database.git
  revision: bad4fa153c2f6a87d95f76721cb4032457e92294
  branch: rails5
  specs:
    paperclip_database (2.3.1)
      paperclip (>= 2.3.0)

GIT
  remote: https://github.com/rack/rack
  revision: 35599cfc2751e0ee611c0ff799924b8e7fe0c0b4
  branch: master
  specs:
    rack (2.0.0.alpha)
      json

GIT
  remote: https://github.com/rails/arel
  revision: 3c429c5d86e9e2201c2a35d934ca6a8911c18e69
  branch: master
  specs:
    arel (7.0.0.alpha)

GIT
  remote: https://github.com/rails/coffee-rails
  revision: c05fb725613d96ce969c30a11e7b613e90f9e5e8
  branch: master
  specs:
    coffee-rails (4.1.0)
      coffee-script (>= 2.2.0)
      railties (>= 4.0.0, < 5.0)

GIT
  remote: https://github.com/rails/rails
  revision: b859d97081c688f627eda30fc1c601e4ec070205
  branch: master
  specs:
    actionmailer (5.0.0.alpha)
      actionpack (= 5.0.0.alpha)
      actionview (= 5.0.0.alpha)
      activejob (= 5.0.0.alpha)
      mail (~> 2.5, >= 2.5.4)
      rails-dom-testing (~> 1.0, >= 1.0.5)
    actionpack (5.0.0.alpha)
      actionview (= 5.0.0.alpha)
      activesupport (= 5.0.0.alpha)
      rack (~> 2.x)
      rack-test (~> 0.6.3)
      rails-dom-testing (~> 1.0, >= 1.0.5)
      rails-html-sanitizer (~> 1.0, >= 1.0.2)
    actionview (5.0.0.alpha)
      activesupport (= 5.0.0.alpha)
      builder (~> 3.1)
      erubis (~> 2.7.0)
      rails-dom-testing (~> 1.0, >= 1.0.5)
      rails-html-sanitizer (~> 1.0, >= 1.0.2)
    activejob (5.0.0.alpha)
      activesupport (= 5.0.0.alpha)
      globalid (>= 0.3.0)
    activemodel (5.0.0.alpha)
      activesupport (= 5.0.0.alpha)
      builder (~> 3.1)
    activerecord (5.0.0.alpha)
      activemodel (= 5.0.0.alpha)
      activesupport (= 5.0.0.alpha)
      arel (= 7.0.0.alpha)
    activesupport (5.0.0.alpha)
      concurrent-ruby (~> 1.0.0.pre3, < 2.0.0)
      i18n (~> 0.7)
      json (~> 1.7, >= 1.7.7)
      method_source
      minitest (~> 5.1)
      tzinfo (~> 1.1)
    rails (5.0.0.alpha)
      actionmailer (= 5.0.0.alpha)
      actionpack (= 5.0.0.alpha)
      actionview (= 5.0.0.alpha)
      activejob (= 5.0.0.alpha)
      activemodel (= 5.0.0.alpha)
      activerecord (= 5.0.0.alpha)
      activesupport (= 5.0.0.alpha)
      bundler (>= 1.3.0, < 2.0)
      railties (= 5.0.0.alpha)
      sprockets-rails (>= 2.0.0)
    railties (5.0.0.alpha)
      actionpack (= 5.0.0.alpha)
      activesupport (= 5.0.0.alpha)
      method_source
      rake (>= 0.8.7)
      thor (>= 0.18.1, < 2.0)

GIT
  remote: https://github.com/rails/sass-rails
  revision: b50195e9e489724aa5579fbb6758df1b6b0d36bc
  branch: master
  specs:
    sass-rails (6.0.0)
      railties (>= 4.0.0, < 5.0)
      sass (~> 3.4)
      sprockets (>= 4.0)
      sprockets-rails (< 4.0)

GIT
  remote: https://github.com/rails/sprockets
  revision: 5a77f8b007b8ec61edd783c48baf9d971f1c684d
  branch: master
  specs:
    sprockets (4.0.0)
      rack (>= 1, < 3)

GIT
  remote: https://github.com/rails/sprockets-rails
  revision: 93a45b1c463a063ec7cf4d160107b67aa3db7a1a
  branch: master
  specs:
    sprockets-rails (3.0.0.beta3)
      actionpack (>= 4.0)
      activesupport (>= 4.0)
      sprockets (>= 3.0.0)

GIT
  remote: https://github.com/rubyzip/rubyzip.git
  revision: a3ca219bdb37b3e369263f121a4adc3da01b95ad
  ref: a3ca219bdb37b3e369263f121a4adc3da01b95ad
  specs:
    rubyzip (1.1.7)

GEM
  remote: https://rubygems.org/
  specs:
    Ascii85 (1.0.2)
    RedCloth (4.2.9)
    addressable (2.3.8)
    afm (0.2.2)
    annotate (2.6.7)
      activerecord (>= 2.3.0)
      rake (~> 10.4.2, >= 10.4.2)
    asciidoctor (1.5.2)
    better_errors (2.1.1)
      coderay (>= 1.0.0)
      erubis (>= 2.6.6)
      rack (>= 0.9.0)
    binary_fixtures (0.1.3)
      rails (>= 4.1.0)
    binding_of_caller (0.7.2)
      debug_inspector (>= 0.0.1)
    builder (3.2.2)
    byebug (6.0.2)
    capybara (2.5.0)
      mime-types (>= 1.16)
      nokogiri (>= 1.3.3)
      rack (>= 1.0.0)
      rack-test (>= 0.5.4)
      xpath (~> 2.0)
    climate_control (0.0.3)
      activesupport (>= 3.0)
    cliver (0.3.2)
    cocaine (0.5.7)
      climate_control (>= 0.0.3, < 1.0)
    coderay (1.1.0)
    coffee-script (2.4.1)
      coffee-script-source
      execjs
    coffee-script-source (1.9.1.1)
    concurrent-ruby (1.0.0.pre4)
    contained_mr (0.4.0)
      docker-api (>= 1.22.4)
      rubyzip (>= 1.1.7)
    creole (0.5.0)
    debug_inspector (0.0.2)
    docker-api (1.22.4)
      excon (>= 0.38.0)
      json
    dynamic_form (1.1.4)
    erubis (2.7.0)
    exception_notification (4.1.1)
      actionmailer (>= 3.0.4)
      activesupport (>= 3.0.4)
    excon (0.45.4)
    exec_sandbox (0.3.0)
      ffi (>= 1.9.6)
    execjs (2.6.0)
    expression_parser (0.9.0)
    faker (1.5.0)
      i18n (~> 0.5)
    ffi (1.9.10)
    foreman (0.78.0)
      thor (~> 0.19.1)
    github-markup (1.4.0)
    globalid (0.3.6)
      activesupport (>= 4.1.0)
    gravatar-ultimate (2.0.0)
      activesupport (>= 2.3.14)
      rack
    hashery (2.1.1)
    htmlentities (4.3.4)
    i18n (0.7.0)
    jbuilder (2.3.2)
      activesupport (>= 3.0.0, < 5)
      multi_json (~> 1.2)
    jc-validates_timeliness (3.1.1)
      timeliness (~> 0.3.7)
    jquery-rails (4.0.5)
      rails-dom-testing (~> 1.0)
      railties (>= 4.2.0)
      thor (>= 0.14, < 2.0)
    json (1.8.3)
    launchy (2.4.3)
      addressable (~> 2.3)
    loofah (2.0.3)
      nokogiri (>= 1.5.9)
    mail (2.6.3)
      mime-types (>= 1.16, < 3)
    markdpwn (0.2.0)
      RedCloth (>= 4.2.9)
      asciidoctor (>= 0.1.4)
      creole (>= 0.5.0)
      github-markup (>= 1.2.1)
      org-ruby (>= 0.9.7)
      pygments.rb (>= 0.5.2)
      redcarpet (>= 3.1.2)
      wikicloth (>= 0.8.1)
    metaclass (0.0.4)
    method_source (0.8.2)
    mime-types (2.6.2)
    mimemagic (0.3.0)
    mini_portile (0.6.2)
    minitest (5.8.1)
    minitest-spec-rails (5.3.0)
      minitest (~> 5.0)
      rails (>= 4.1)
    mocha (1.1.0)
      metaclass (~> 0.0.1)
    multi_json (1.11.2)
    net-ldap (0.11)
    nokogiri (1.6.6.2)
      mini_portile (~> 0.6.0)
    org-ruby (0.9.12)
      rubypants (~> 0.2)
    paperclip (4.3.1)
      activemodel (>= 3.2.0)
      activesupport (>= 3.2.0)
      cocaine (~> 0.5.5)
      mime-types
      mimemagic (= 0.3.0)
    pdf-core (0.6.0)
    pdf-reader (1.3.3)
      Ascii85 (~> 1.0.0)
      afm (~> 0.2.0)
      hashery (~> 2.0)
      ruby-rc4
      ttfunk
    pg (0.18.3)
    poltergeist (1.7.0)
      capybara (~> 2.1)
      cliver (~> 0.3.1)
      multi_json (~> 1.0)
      websocket-driver (>= 0.2.0)
    posix-spawn (0.3.11)
    prawn (2.0.2)
      pdf-core (~> 0.6.0)
      ttfunk (~> 1.4.0)
    prawn-table (0.2.2)
      prawn (>= 1.3.0, < 3.0.0)
    puma (2.14.0)
    pwnstyles_rails (0.2.5)
      rails (>= 4.2.4)
      sass-rails (>= 5.0.3)
    pygments.rb (0.6.3)
      posix-spawn (~> 0.3.6)
      yajl-ruby (~> 1.2.0)
    rack-test (0.6.3)
      rack (>= 1.0)
    railroady (1.4.0)
    rails-deprecated_sanitizer (1.0.3)
      activesupport (>= 4.2.0.alpha)
    rails-dom-testing (1.0.7)
      activesupport (>= 4.2.0.beta, < 5.0)
      nokogiri (~> 1.6.0)
      rails-deprecated_sanitizer (>= 1.0.1)
    rails-html-sanitizer (1.0.2)
      loofah (~> 2.0)
    rake (10.4.2)
    rdoc (4.2.0)
    redcarpet (3.3.3)
    rmagick (2.15.4)
    ruby-rc4 (0.1.5)
    rubypants (0.2.0)
    sass (3.4.19)
    sdoc (0.4.1)
      json (~> 1.7, >= 1.7.7)
      rdoc (~> 4.0)
    spring (1.4.0)
    thor (0.19.1)
    thread_safe (0.3.5)
    timeliness (0.3.7)
    trim_blobs (0.0.2)
      activerecord (>= 3.2.0)
    ttfunk (1.4.0)
    twitter-text (1.13.0)
      unf (~> 0.1.0)
    tzinfo (1.2.2)
      thread_safe (~> 0.1)
    uglifier (2.7.2)
      execjs (>= 0.3.0)
      json (>= 1.8.0)
    unf (0.1.4)
      unf_ext
    unf_ext (0.0.7.1)
    websocket-driver (0.6.2)
      websocket-extensions (>= 0.1.0)
    websocket-extensions (0.1.2)
    wikicloth (0.8.3)
      builder
      expression_parser
      htmlentities
      nokogiri
      twitter-text
    xpath (2.0.0)
      nokogiri (~> 1.3)
    yajl-ruby (1.2.1)

PLATFORMS
  ruby

DEPENDENCIES
  annotate (>= 2.6.5)
  arel!
  authpwn_rails (>= 0.17.2)!
  better_errors
  binary_fixtures (>= 0.1.3)
  binding_of_caller
  byebug
  capybara (>= 2.5.0)
  coffee-rails!
  contained_mr (>= 0.4.0)
  delayed_job (>= 4.0.6)!
  delayed_job_active_record (>= 4.0.3)!
  dynamic_form (>= 1.1.4)
  exception_notification (>= 4.0.1)
  exec_sandbox (>= 0.3.0)
  faker (>= 1.4.3)
  foreman (>= 0.78.0)
  gravatar-ultimate (>= 2.0.0)
  jbuilder (~> 2.2)
  jc-validates_timeliness (>= 3.1.1)
  jquery-rails (>= 4.0.3)
  launchy (>= 2.4.3)
  mail (>= 2.6.3)
  markdpwn (>= 0.2.0)
  minitest-spec-rails (>= 5.3.0)
  mocha (>= 1.1.0)
  net-ldap (>= 0.11)
  nokogiri (>= 1.6.6.2)
  paperclip (>= 4.2.1)
  paperclip_database (>= 2.3.1)!
  pdf-reader (>= 1.3.3)
  pg (>= 0.18.2)
  poltergeist (>= 1.6.0)
  prawn (>= 2.0.2)
  prawn-table (>= 0.2.2)
  puma (>= 2.14.0)
  pwnstyles_rails (>= 0.2.5)
  rack!
  rack-noie (>= 1.0)!
  railroady (>= 1.3.0)
  rails!
  rmagick (>= 2.15.4)
  rubyzip (>= 1.1.7)!
  sass-rails!
  sdoc
  spring
  sprockets!
  sprockets-rails!
  trim_blobs
  uglifier (>= 2.7.0)

BUNDLED WITH
   1.10.6
