GIT
  remote: git://github.com/ctran/annotate_models.git
  revision: 8bd159c7a484093fde84beaa9e6398f25ddacf09
  specs:
    annotate (2.6.0.beta1)
      activerecord (>= 2.3.0)
      rake (>= 0.8.7)

GIT
  remote: git://github.com/patshaughnessy/paperclip.git
  revision: 89d53623028a7f1f74cdc2726110486ada0061f9
  ref: 89d53623028a7f1f74cdc2726110486ada0061f9
  specs:
    paperclip (2.4.5)
      activerecord (>= 2.3.0)
      activesupport (>= 2.3.2)
      cocaine (>= 0.0.2)
      mime-types

GEM
  remote: http://rubygems.org/
  specs:
    Ascii85 (1.0.2)
    RedCloth (4.2.9)
    actionmailer (3.2.13)
      actionpack (= 3.2.13)
      mail (~> 2.5.3)
    actionpack (3.2.13)
      activemodel (= 3.2.13)
      activesupport (= 3.2.13)
      builder (~> 3.0.0)
      erubis (~> 2.7.0)
      journey (~> 1.0.4)
      rack (~> 1.4.5)
      rack-cache (~> 1.2)
      rack-test (~> 0.6.1)
      sprockets (~> 2.2.1)
    activemodel (3.2.13)
      activesupport (= 3.2.13)
      builder (~> 3.0.0)
    activerecord (3.2.13)
      activemodel (= 3.2.13)
      activesupport (= 3.2.13)
      arel (~> 3.0.2)
      tzinfo (~> 0.3.29)
    activeresource (3.2.13)
      activemodel (= 3.2.13)
      activesupport (= 3.2.13)
    activesupport (3.2.13)
      i18n (= 0.6.1)
      multi_json (~> 1.0)
    afm (0.2.0)
    arel (3.0.2)
    authpwn_rails (0.14.0)
      fbgraph_rails (>= 0.2.2)
      rails (>= 3.2.12)
    best_in_place (2.1.0)
      jquery-rails
      rails (~> 3.1)
    better_errors (0.8.0)
      coderay (>= 1.0.0)
      erubis (>= 2.6.6)
    binding_of_caller (0.7.1)
      debug_inspector (>= 0.0.1)
    builder (3.0.4)
    chunky_png (1.2.8)
    climate_control (0.0.3)
      activesupport (>= 3.0)
    cocaine (0.5.1)
      climate_control (>= 0.0.3, < 1.0)
    coderay (1.0.9)
    coffee-rails (3.2.2)
      coffee-script (>= 2.2.0)
      railties (~> 3.2.0)
    coffee-script (2.2.0)
      coffee-script-source
      execjs
    coffee-script-source (1.6.2)
    columnize (0.3.6)
    compass (0.12.2)
      chunky_png (~> 1.2)
      fssm (>= 0.2.7)
      sass (~> 3.1)
    compass-rails (1.0.3)
      compass (>= 0.12.2, < 0.14)
    creole (0.5.0)
    daemons (1.1.9)
    daemonz (0.3.9)
      posix-spawn (>= 0.3.6)
      rails (>= 3.2.8)
      simple-daemon (>= 0.1.2)
      sys-proctable (>= 0.9.1)
      zerg_support (>= 0.1.5)
    debug_inspector (0.0.2)
    debugger (1.5.0)
      columnize (>= 0.3.1)
      debugger-linecache (~> 1.2.0)
      debugger-ruby_core_source (~> 1.2.0)
    debugger-linecache (1.2.0)
    debugger-ruby_core_source (1.2.0)
    delayed_job (3.0.5)
      activesupport (~> 3.0)
    delayed_job_active_record (0.4.4)
      activerecord (>= 2.1.0, < 4)
      delayed_job (~> 3.0)
    diff-lcs (1.2.4)
    domain_name (0.5.11)
      unf (>= 0.0.5, < 1.0.0)
    dynamic_form (1.1.4)
    erubis (2.7.0)
    eventmachine (1.0.3)
    exec_sandbox (0.2.3)
      ffi (>= 1.0.11)
    execjs (1.4.0)
      multi_json (~> 1.0)
    expression_parser (0.9.0)
    faraday (0.8.7)
      multipart-post (~> 1.1)
    fbgraph (1.10.0)
      activesupport
      faraday (>= 0.7.5)
      hashie (>= 1.0.0)
      i18n
      json (>= 1.0.0)
      oauth2 (>= 0.5.0)
      rest-client
    fbgraph_rails (0.2.2)
      erubis (>= 2.7.0)
      fbgraph (>= 1.8.3)
      json (>= 1.6.1)
      oauth2 (>= 0.5.0)
      rails (>= 3.1.0)
    ffi (1.8.1)
    fssm (0.2.10)
    github-markup (0.7.5)
    gravatar-ultimate (1.0.3)
    hashery (2.1.0)
    hashie (2.0.4)
    hike (1.2.2)
    httpauth (0.2.0)
    i18n (0.6.1)
    journey (1.0.4)
    jquery-rails (2.2.1)
      railties (>= 3.0, < 5.0)
      thor (>= 0.14, < 2.0)
    json (1.7.7)
    jwt (0.1.8)
      multi_json (>= 1.5)
    libv8 (3.11.8.17)
    mail (2.5.3)
      i18n (>= 0.4.0)
      mime-types (~> 1.16)
      treetop (~> 1.4.8)
    markdpwn (0.1.6)
      RedCloth (>= 4.2.9)
      creole (>= 0.5.0)
      github-markup (>= 0.7.5)
      org-ruby (>= 0.8.1)
      pygments.rb (>= 0.5.0)
      rdoc (~> 3.4)
      redcarpet (>= 2.2.2)
      wikicloth (>= 0.8.0)
    mechanize (2.6.0)
      domain_name (~> 0.5, >= 0.5.1)
      mime-types (~> 1.17, >= 1.17.2)
      net-http-digest_auth (~> 1.1, >= 1.1.1)
      net-http-persistent (~> 2.5, >= 2.5.2)
      nokogiri (~> 1.4)
      ntlm-http (~> 0.1, >= 0.1.1)
      webrobots (>= 0.0.9, < 0.2)
    mime-types (1.23)
    mit_stalker (1.0.4)
    multi_json (1.7.2)
    multi_xml (0.5.3)
    multipart-post (1.2.0)
    mysql2 (0.3.11)
    net-http-digest_auth (1.3)
    net-http-persistent (2.8)
    nokogiri (1.5.9)
    ntlm-http (0.1.1)
    oauth2 (0.9.1)
      faraday (~> 0.8)
      httpauth (~> 0.1)
      jwt (~> 0.1.4)
      multi_json (~> 1.0)
      multi_xml (~> 0.5)
      rack (~> 1.2)
    org-ruby (0.8.1)
      rubypants (>= 0.2.0)
    pdf-reader (1.3.3)
      Ascii85 (~> 1.0.0)
      afm (~> 0.2.0)
      hashery (~> 2.0)
      ruby-rc4
      ttfunk
    polyglot (0.3.3)
    posix-spawn (0.3.6)
    prawn (0.12.0)
      pdf-reader (>= 0.9.0)
      ttfunk (~> 1.0.2)
    pwnstyles_rails (0.1.30)
      compass-rails (>= 1.0.3)
      rails (>= 3.2.3)
      sass-rails (>= 3.2.5)
    pygments.rb (0.5.0)
      posix-spawn (~> 0.3.6)
      yajl-ruby (~> 1.1.0)
    rack (1.4.5)
    rack-cache (1.2)
      rack (>= 0.4)
    rack-noie (1.0)
    rack-ssl (1.3.3)
      rack
    rack-test (0.6.2)
      rack (>= 1.0)
    railroady (1.1.0)
    rails (3.2.13)
      actionmailer (= 3.2.13)
      actionpack (= 3.2.13)
      activerecord (= 3.2.13)
      activeresource (= 3.2.13)
      activesupport (= 3.2.13)
      bundler (~> 1.0)
      railties (= 3.2.13)
    railties (3.2.13)
      actionpack (= 3.2.13)
      activesupport (= 3.2.13)
      rack-ssl (~> 1.3.2)
      rake (>= 0.8.7)
      rdoc (~> 3.4)
      thor (>= 0.14.6, < 2.0)
    rake (10.0.4)
    rdoc (3.12.2)
      json (~> 1.4)
    redcarpet (2.2.2)
    ref (1.0.4)
    rest-client (1.6.7)
      mime-types (>= 1.16)
    rmagick (2.13.2)
    rspec-core (2.13.1)
    rspec-expectations (2.13.0)
      diff-lcs (>= 1.1.3, < 2.0)
    rspec-mocks (2.13.1)
    rspec-rails (2.13.1)
      actionpack (>= 3.0)
      activesupport (>= 3.0)
      railties (>= 3.0)
      rspec-core (~> 2.13.0)
      rspec-expectations (~> 2.13.0)
      rspec-mocks (~> 2.13.0)
    ruby-rc4 (0.1.5)
    rubypants (0.2.0)
    sass (3.2.8)
    sass-rails (3.2.6)
      railties (~> 3.2.0)
      sass (>= 3.1.10)
      tilt (~> 1.3)
    simple-daemon (0.1.2)
    sprockets (2.2.2)
      hike (~> 1.2)
      multi_json (~> 1.0)
      rack (~> 1.0)
      tilt (~> 1.1, != 1.3.0)
    stellar (0.3.2)
      mechanize (>= 2.5.1)
      nokogiri (>= 1.5.5)
    sys-proctable (0.9.3)
    therubyracer (0.11.4)
      libv8 (~> 3.11.8.12)
      ref
    thin (1.5.1)
      daemons (>= 1.0.9)
      eventmachine (>= 0.12.6)
      rack (>= 1.0.0)
    thor (0.18.1)
    tilt (1.3.7)
    timeliness (0.3.7)
    treetop (1.4.12)
      polyglot
      polyglot (>= 0.3.1)
    trim_blobs (0.0.1)
      activerecord (>= 3.2.0)
    ttfunk (1.0.3)
    tzinfo (0.3.37)
    uglifier (2.0.1)
      execjs (>= 0.3.0)
      multi_json (~> 1.0, >= 1.0.2)
    unf (0.1.1)
      unf_ext
    unf_ext (0.0.6)
    validates_timeliness (3.0.14)
      timeliness (~> 0.3.6)
    webrat (0.7.3)
      nokogiri (>= 1.2.0)
      rack (>= 1.0)
      rack-test (>= 0.5.3)
    webrobots (0.1.1)
    wikicloth (0.8.0)
      builder
      expression_parser
    yajl-ruby (1.1.0)
    zerg_support (0.1.6)
    zip (2.0.2)

PLATFORMS
  ruby

DEPENDENCIES
  annotate (>= 2.6.0.beta1)!
  authpwn_rails (>= 0.14.0)
  best_in_place (>= 2.1.0)
  better_errors
  binding_of_caller
  coffee-rails (~> 3.2)
  daemons
  daemonz (>= 0.3.9)
  debugger
  delayed_job (>= 3.0.4)
  delayed_job_active_record (>= 0.3.3)
  dynamic_form (>= 1.1.4)
  exec_sandbox (>= 0.2.3)
  gravatar-ultimate (>= 1.0.3)
  jquery-rails (>= 2.2.1)
  json (>= 1.7.7)
  markdpwn (>= 0.1.6)
  mit_stalker (>= 1.0.4)
  mysql2 (>= 0.3.11)
  nokogiri (>= 1.5.6)
  paperclip!
  pdf-reader (>= 1.3.0)
  prawn (~> 0.12.0)
  pwnstyles_rails (>= 0.1.29)
  rack-noie (>= 1.0)
  railroady (>= 1.0.6)
  rails (>= 3.2.13)
  rdoc (~> 3.4)
  rmagick (>= 2.13.2)
  rspec-rails (>= 2.11.0)
  sass-rails (>= 3.2.6)
  stellar (>= 0.3.1)
  therubyracer (>= 0.11.4)
  thin (>= 1.5.1)
  trim_blobs
  uglifier (>= 2.0.1)
  validates_timeliness (>= 3.0.14)
  webrat (>= 0.7.3)
  zip (>= 2.0.2)
