GIT
  remote: git://github.com/ctran/annotate_models.git
  revision: 8004adc710a4a60f6ea53c517802a1d1862cf48c
  specs:
    annotate (2.6.0.beta1)
      activerecord (>= 2.3.0)
      rake (>= 0.8.7)

GIT
  remote: git://github.com/juliocesar/rack-noie.git
  revision: 14493b4b9f816eb54b1ed93ed10f4d3968efb5da
  specs:
    rack-noie (1.0)

GIT
  remote: git://github.com/patshaughnessy/paperclip.git
  revision: 729848221b19c3791a35c80fe9803f4c1b6dd7d9
  ref: 729848221b19c3791a35c80fe9803f4c1b6dd7d9
  specs:
    paperclip (2.4.5)
      activerecord (>= 2.3.0)
      activesupport (>= 2.3.2)
      cocaine (>= 0.0.2)
      mime-types

PATH
  remote: ../pwnstyles_rails
  specs:
    pwnstyles_rails (0.1.24)
      compass-rails (>= 1.0.3)
      rails (>= 3.2.3)
      sass-rails (>= 3.2.5)

GEM
  remote: http://rubygems.org/
  specs:
    Ascii85 (1.0.1)
    RedCloth (4.2.9)
    actionmailer (3.2.8)
      actionpack (= 3.2.8)
      mail (~> 2.4.4)
    actionpack (3.2.8)
      activemodel (= 3.2.8)
      activesupport (= 3.2.8)
      builder (~> 3.0.0)
      erubis (~> 2.7.0)
      journey (~> 1.0.4)
      rack (~> 1.4.0)
      rack-cache (~> 1.2)
      rack-test (~> 0.6.1)
      sprockets (~> 2.1.3)
    activemodel (3.2.8)
      activesupport (= 3.2.8)
      builder (~> 3.0.0)
    activerecord (3.2.8)
      activemodel (= 3.2.8)
      activesupport (= 3.2.8)
      arel (~> 3.0.2)
      tzinfo (~> 0.3.29)
    activeresource (3.2.8)
      activemodel (= 3.2.8)
      activesupport (= 3.2.8)
    activesupport (3.2.8)
      i18n (~> 0.6)
      multi_json (~> 1.0)
    arel (3.0.2)
    authpwn_rails (0.11.1)
      fbgraph_rails (>= 0.2.2)
      rails (>= 3.2.6)
    blankslate (3.1.2)
    builder (3.0.3)
    chunky_png (1.2.6)
    cocaine (0.3.0)
    coffee-rails (3.2.2)
      coffee-script (>= 2.2.0)
      railties (~> 3.2.0)
    coffee-script (2.2.0)
      coffee-script-source
      execjs
    coffee-script-source (1.3.3)
    compass (0.12.2)
      chunky_png (~> 1.2)
      fssm (>= 0.2.7)
      sass (~> 3.1)
    compass-rails (1.0.3)
      compass (>= 0.12.2, < 0.14)
    creole (0.4.2)
    daemons (1.1.9)
    daemonz (0.3.8)
      posix-spawn (>= 0.3.6)
      rails (>= 3.2.8)
      simple-daemon (>= 0.1.2)
      zerg_support (>= 0.1.5)
    delayed_job (3.0.3)
      activesupport (~> 3.0)
    delayed_job_active_record (0.3.2)
      activerecord (> 2.1.0)
      delayed_job (~> 3.0.0)
    diff-lcs (1.1.3)
    domain_name (0.5.3)
      unf (~> 0.0.3)
    dynamic_form (1.1.4)
    erubis (2.7.0)
    eventmachine (1.0.0)
    exec_sandbox (0.2.3)
      ffi (>= 1.0.11)
    execjs (1.4.0)
      multi_json (~> 1.0)
    expression_parser (0.9.0)
    faraday (0.8.4)
      multipart-post (~> 1.1)
    fbgraph (1.10.0)
      activesupport
      faraday (>= 0.7.5)
      hashie (>= 1.0.0)
      i18n
      json (>= 1.0.0)
      oauth2 (>= 0.5.0)
      rest-client
    fbgraph_rails (0.2.2)
      erubis (>= 2.7.0)
      fbgraph (>= 1.8.3)
      json (>= 1.6.1)
      oauth2 (>= 0.5.0)
      rails (>= 3.1.0)
    ffi (1.0.11)
    fssm (0.2.9)
    github-markup (0.7.4)
    gravatar-ultimate (1.0.3)
    hashery (2.0.1)
    hashie (1.2.0)
    hike (1.2.1)
    httpauth (0.1)
    i18n (0.6.1)
    journey (1.0.4)
    jquery-rails (2.1.2)
      railties (>= 3.1.0, < 5.0)
      thor (~> 0.14)
    json (1.7.5)
    jwt (0.1.5)
      multi_json (>= 1.0)
    libv8 (3.3.10.4)
    mail (2.4.4)
      i18n (>= 0.4.0)
      mime-types (~> 1.16)
      treetop (~> 1.4.8)
    markdpwn (0.1.4)
      RedCloth (>= 4.2.9)
      creole (>= 0.4.2)
      github-markup (>= 0.7.4)
      org-ruby (>= 0.7.1)
      pygments.rb (>= 0.2.13)
      rdoc (>= 3.12)
      redcarpet (>= 2.1.1)
      wikicloth (>= 0.8.0)
    mechanize (2.5.1)
      domain_name (~> 0.5, >= 0.5.1)
      mime-types (~> 1.17, >= 1.17.2)
      net-http-digest_auth (~> 1.1, >= 1.1.1)
      net-http-persistent (~> 2.5, >= 2.5.2)
      nokogiri (~> 1.4)
      ntlm-http (~> 0.1, >= 0.1.1)
      webrobots (~> 0.0, >= 0.0.9)
    mime-types (1.19)
    mit_stalker (1.0.4)
    multi_json (1.3.6)
    multipart-post (1.1.5)
    mysql2 (0.3.11)
    net-http-digest_auth (1.2.1)
    net-http-persistent (2.7)
    nokogiri (1.5.5)
    ntlm-http (0.1.1)
    oauth2 (0.8.0)
      faraday (~> 0.8)
      httpauth (~> 0.1)
      jwt (~> 0.1.4)
      multi_json (~> 1.0)
      rack (~> 1.2)
    org-ruby (0.7.1)
      rubypants (>= 0.2.0)
    pdf-reader (1.2.0)
      Ascii85 (~> 1.0.0)
      hashery (~> 2.0)
      ruby-rc4
    polyglot (0.3.3)
    posix-spawn (0.3.6)
    prawn (0.12.0)
      pdf-reader (>= 0.9.0)
      ttfunk (~> 1.0.2)
    pygments.rb (0.2.13)
      rubypython (~> 0.5.3)
    rack (1.4.1)
    rack-cache (1.2)
      rack (>= 0.4)
    rack-ssl (1.3.2)
      rack
    rack-test (0.6.1)
      rack (>= 1.0)
    railroady (1.1.0)
    rails (3.2.8)
      actionmailer (= 3.2.8)
      actionpack (= 3.2.8)
      activerecord (= 3.2.8)
      activeresource (= 3.2.8)
      activesupport (= 3.2.8)
      bundler (~> 1.0)
      railties (= 3.2.8)
    railties (3.2.8)
      actionpack (= 3.2.8)
      activesupport (= 3.2.8)
      rack-ssl (~> 1.3.2)
      rake (>= 0.8.7)
      rdoc (~> 3.4)
      thor (>= 0.14.6, < 2.0)
    rake (0.9.2.2)
    rdoc (3.12)
      json (~> 1.4)
    redcarpet (2.1.1)
    rest-client (1.6.7)
      mime-types (>= 1.16)
    rmagick (2.13.1)
    rspec (2.11.0)
      rspec-core (~> 2.11.0)
      rspec-expectations (~> 2.11.0)
      rspec-mocks (~> 2.11.0)
    rspec-core (2.11.1)
    rspec-expectations (2.11.3)
      diff-lcs (~> 1.1.3)
    rspec-mocks (2.11.2)
    rspec-rails (2.11.0)
      actionpack (>= 3.0)
      activesupport (>= 3.0)
      railties (>= 3.0)
      rspec (~> 2.11.0)
    ruby-rc4 (0.1.5)
    rubypants (0.2.0)
    rubypython (0.5.3)
      blankslate (>= 2.1.2.3)
      ffi (~> 1.0.7)
    sass (3.2.1)
    sass-rails (3.2.5)
      railties (~> 3.2.0)
      sass (>= 3.1.10)
      tilt (~> 1.3)
    simple-daemon (0.1.2)
    sprockets (2.1.3)
      hike (~> 1.2)
      rack (~> 1.0)
      tilt (~> 1.1, != 1.3.0)
    stellar (0.3.1)
      mechanize (>= 2.1)
      nokogiri (>= 1.5.0)
    therubyracer (0.10.2)
      libv8 (~> 3.3.10)
    thin (1.4.1)
      daemons (>= 1.0.9)
      eventmachine (>= 0.12.6)
      rack (>= 1.0.0)
    thor (0.16.0)
    tilt (1.3.3)
    timeliness (0.3.6)
    treetop (1.4.10)
      polyglot
      polyglot (>= 0.3.1)
    ttfunk (1.0.3)
    tzinfo (0.3.33)
    uglifier (1.3.0)
      execjs (>= 0.3.0)
      multi_json (~> 1.0, >= 1.0.2)
    unf (0.0.5)
      unf_ext
    unf_ext (0.0.5)
    validates_timeliness (3.0.14)
      timeliness (~> 0.3.6)
    webrat (0.7.3)
      nokogiri (>= 1.2.0)
      rack (>= 1.0)
      rack-test (>= 0.5.3)
    webrobots (0.0.13)
    wikicloth (0.8.0)
      builder
      expression_parser
    zerg_support (0.1.5)
    zip (2.0.2)

PLATFORMS
  ruby

DEPENDENCIES
  annotate (>= 2.6.0.beta1)!
  authpwn_rails (>= 0.11.1)
  coffee-rails (>= 3.2.2)
  daemons
  daemonz (>= 0.3.8)
  delayed_job (>= 3.0.3)
  delayed_job_active_record (>= 0.3.2)
  dynamic_form (>= 1.1.4)
  exec_sandbox (>= 0.2.3)
  gravatar-ultimate (>= 1.0.3)
  jquery-rails (>= 2.1.2)
  json (>= 1.5.4)
  markdpwn (>= 0.1.4)
  mit_stalker (>= 1.0.4)
  mysql2 (>= 0.3.11)
  nokogiri (>= 1.5.0)
  paperclip!
  pdf-reader (>= 1.2.0)
  prawn (~> 0.12.0)
  pwnstyles_rails (>= 0.1.24)!
  rack-noie!
  railroady (>= 1.0.6)
  rails (>= 3.2.8)
  rmagick (>= 2.13.1)
  rspec-rails (>= 2.11.0)
  sass-rails (>= 3.2.5)
  stellar (>= 0.3.1)
  therubyracer (>= 0.10.2)
  thin (>= 1.4.1)
  uglifier (>= 1.3.0)
  validates_timeliness (>= 3.0.11)
  webrat (>= 0.7.3)
  zip (>= 2.0.2)
