GIT
  remote: https://github.com/jruby/activerecord-jdbc-adapter.git
  revision: 8c734333384b0e2c49eb3c331fdebc28726d8248
  specs:
    activerecord-jdbc-adapter (1.4.0.dev-java)
      jar-dependencies (~> 0.1.13)
    activerecord-jdbcpostgresql-adapter (1.4.0.dev)
      activerecord-jdbc-adapter (~> 1.4.0.dev)
      jdbc-postgres (>= 9.1)
    jdbc-postgres (9.4.1206)

GIT
  remote: https://github.com/juliocesar/rack-noie.git
  revision: ce8313c6f327e5c524e3e903a05044ec31c98fd8
  ref: ce8313c6f327e5c524e3e903a05044ec31c98fd8
  specs:
    rack-noie (1.0)

GIT
  remote: https://github.com/pwnall/authpwn_rails.git
  revision: 0451ab505ab0772453a6b744773c50b2db66c088
  branch: rails5
  specs:
    authpwn_rails (0.21.1)
      base32 (>= 0.3.2)
      rails (>= 5.0.0.1)

GIT
  remote: https://github.com/pwnall/paperclip_database.git
  revision: d223acccba4b815061468e0e7fa8e3c489797ee0
  branch: rails5
  specs:
    paperclip_database (2.3.1)
      paperclip (>= 2.3.0)

GEM
  remote: https://rubygems.org/
  specs:
    Ascii85 (1.0.2)
    RedCloth (4.3.2)
    actioncable (5.0.0.1)
      actionpack (= 5.0.0.1)
      nio4r (~> 1.2)
      websocket-driver (~> 0.6.1)
    actionmailer (5.0.0.1)
      actionpack (= 5.0.0.1)
      actionview (= 5.0.0.1)
      activejob (= 5.0.0.1)
      mail (~> 2.5, >= 2.5.4)
      rails-dom-testing (~> 2.0)
    actionpack (5.0.0.1)
      actionview (= 5.0.0.1)
      activesupport (= 5.0.0.1)
      rack (~> 2.0)
      rack-test (~> 0.6.3)
      rails-dom-testing (~> 2.0)
      rails-html-sanitizer (~> 1.0, >= 1.0.2)
    actionview (5.0.0.1)
      activesupport (= 5.0.0.1)
      builder (~> 3.1)
      erubis (~> 2.7.0)
      rails-dom-testing (~> 2.0)
      rails-html-sanitizer (~> 1.0, >= 1.0.2)
    activejob (5.0.0.1)
      activesupport (= 5.0.0.1)
      globalid (>= 0.3.6)
    activemodel (5.0.0.1)
      activesupport (= 5.0.0.1)
    activerecord (5.0.0.1)
      activemodel (= 5.0.0.1)
      activesupport (= 5.0.0.1)
      arel (~> 7.0)
    activesupport (5.0.0.1)
      concurrent-ruby (~> 1.0, >= 1.0.2)
      i18n (~> 0.7)
      minitest (~> 5.1)
      tzinfo (~> 1.1)
    addressable (2.4.0)
    afm (0.2.2)
    annotate (2.7.1)
      activerecord (>= 3.2, < 6.0)
      rake (>= 10.4, < 12.0)
    arel (7.1.3)
    asciidoctor (1.5.5)
    autoprefixer-rails (6.5.0.2)
      execjs
    babel-source (5.8.35)
    babel-transpiler (0.7.0)
      babel-source (>= 4.0, < 6)
      execjs (~> 2.0)
    base32 (0.3.2)
    binary_fixtures (0.1.3)
      rails (>= 4.1.0)
    binding_of_caller (0.7.3.pre1)
      debug_inspector (>= 0.0.1)
    bower-rails (0.11.0)
    builder (3.2.2)
    byebug (9.0.6)
    capybara (2.10.1)
      addressable
      mime-types (>= 1.16)
      nokogiri (>= 1.3.3)
      rack (>= 1.0.0)
      rack-test (>= 0.5.4)
      xpath (~> 2.0)
    climate_control (0.0.3)
      activesupport (>= 3.0)
    cliver (0.3.2)
    cocaine (0.5.8)
      climate_control (>= 0.0.3, < 1.0)
    coffee-rails (4.2.1)
      coffee-script (>= 2.2.0)
      railties (>= 4.0.0, < 5.2.x)
    coffee-script (2.4.1)
      coffee-script-source
      execjs
    coffee-script-source (1.10.0)
    concurrent-ruby (1.0.2)
    concurrent-ruby (1.0.2-java)
    contained_mr (0.6.0)
      docker-api (>= 1.26.2)
      rubyzip (>= 1.1.7)
    creole (0.5.0)
    debug_inspector (0.0.2)
    delayed_job (4.1.2)
      activesupport (>= 3.0, < 5.1)
    delayed_job_active_record (4.1.1)
      activerecord (>= 3.0, < 5.1)
      delayed_job (>= 3.0, < 5)
    docker-api (1.32.1)
      excon (>= 0.38.0)
      json
    domain_name (0.5.20160826)
      unf (>= 0.0.5, < 1.0.0)
    erubis (2.7.0)
    exception_notification (4.2.1)
      actionmailer (>= 4.0, < 6)
      activesupport (>= 4.0, < 6)
    excon (0.53.0)
    execjs (2.7.0)
    expression_parser (0.9.0)
    faker (1.6.6)
      i18n (~> 0.5)
    ffi (1.9.14)
    ffi (1.9.14-java)
    flamegraph (0.9.5)
    font-awesome-rails (4.6.3.1)
      railties (>= 3.2, < 5.1)
    foreman (0.82.0)
      thor (~> 0.19.1)
    foundation-rails (6.2.3.0)
      railties (>= 3.1.0)
      sass (>= 3.3.0, < 3.5)
      sprockets-es6 (>= 0.9.0)
    github-markup (1.4.0)
    globalid (0.3.7)
      activesupport (>= 4.1.0)
    gravatar-ultimate (2.0.0)
      activesupport (>= 2.3.14)
      rack
    hashery (2.1.2)
    htmlentities (4.3.4)
    http-cookie (1.0.3)
      domain_name (~> 0.5)
    i18n (0.7.0)
    jar-dependencies (0.1.15)
    jbuilder (2.6.0)
      activesupport (>= 3.0.0, < 5.1)
      multi_json (~> 1.2)
    jc-validates_timeliness (3.1.1)
      timeliness (~> 0.3.7)
    jquery-rails (4.2.1)
      rails-dom-testing (>= 1, < 3)
      railties (>= 4.2.0)
      thor (>= 0.14, < 2.0)
    json (1.8.3)
    json (1.8.3-java)
    launchy (2.4.3)
      addressable (~> 2.3)
    launchy (2.4.3-java)
      addressable (~> 2.3)
      spoon (~> 0.0.1)
    libv8 (5.0.71.48.3)
    listen (3.0.8)
      rb-fsevent (~> 0.9, >= 0.9.4)
      rb-inotify (~> 0.9, >= 0.9.7)
    loofah (2.0.3)
      nokogiri (>= 1.5.9)
    mail (2.6.4)
      mime-types (>= 1.16, < 4)
    markdpwn (0.2.0)
      RedCloth (>= 4.2.9)
      asciidoctor (>= 0.1.4)
      creole (>= 0.5.0)
      github-markup (>= 1.2.1)
      org-ruby (>= 0.9.7)
      pygments.rb (>= 0.5.2)
      redcarpet (>= 3.1.2)
      wikicloth (>= 0.8.1)
    mechanize (2.7.5)
      domain_name (~> 0.5, >= 0.5.1)
      http-cookie (~> 1.0)
      mime-types (>= 1.17.2)
      net-http-digest_auth (~> 1.1, >= 1.1.1)
      net-http-persistent (~> 2.5, >= 2.5.2)
      nokogiri (~> 1.6)
      ntlm-http (~> 0.1, >= 0.1.1)
      webrobots (>= 0.0.9, < 0.2)
    metaclass (0.0.4)
    method_source (0.8.2)
    mime-types (3.1)
      mime-types-data (~> 3.2015)
    mime-types-data (3.2016.0521)
    mimemagic (0.3.2)
    mini_portile2 (2.1.0)
    mini_racer (0.1.4)
      libv8 (~> 5.0, < 5.1.11)
    minitest (5.9.1)
    minitest-spec-rails (5.4.0)
      minitest (~> 5.0)
      rails (>= 4.1)
    mocha (1.1.0)
      metaclass (~> 0.0.1)
    multi_json (1.12.1)
    net-http-digest_auth (1.4)
    net-http-persistent (2.9.4)
    net-ldap (0.15.0)
    nio4r (1.2.1)
    nio4r (1.2.1-java)
    nokogiri (1.6.8.1)
      mini_portile2 (~> 2.1.0)
    nokogiri (1.6.8.1-java)
    ntlm-http (0.1.1)
    org-ruby (0.9.12)
      rubypants (~> 0.2)
    paperclip (5.1.0)
      activemodel (>= 4.2.0)
      activesupport (>= 4.2.0)
      cocaine (~> 0.5.5)
      mime-types
      mimemagic (~> 0.3.0)
    pdf-core (0.6.1)
    pdf-reader (1.4.0)
      Ascii85 (~> 1.0.0)
      afm (~> 0.2.1)
      hashery (~> 2.0)
      ruby-rc4
      ttfunk
    pg (0.19.0)
    poltergeist (1.10.0)
      capybara (~> 2.1)
      cliver (~> 0.3.1)
      websocket-driver (>= 0.2.0)
    posix-spawn (0.3.11)
    prawn (2.1.0)
      pdf-core (~> 0.6.1)
      ttfunk (~> 1.4.0)
    prawn-table (0.2.2)
      prawn (>= 1.3.0, < 3.0.0)
    puma (3.6.0)
    puma (3.6.0-java)
    pygments.rb (0.6.3)
      posix-spawn (~> 0.3.6)
      yajl-ruby (~> 1.2.0)
    rack (2.0.1)
    rack-mini-profiler (0.10.1)
      rack (>= 1.2.0)
    rack-test (0.6.3)
      rack (>= 1.0)
    railroady (1.5.2)
    rails (5.0.0.1)
      actioncable (= 5.0.0.1)
      actionmailer (= 5.0.0.1)
      actionpack (= 5.0.0.1)
      actionview (= 5.0.0.1)
      activejob (= 5.0.0.1)
      activemodel (= 5.0.0.1)
      activerecord (= 5.0.0.1)
      activesupport (= 5.0.0.1)
      bundler (>= 1.3.0, < 2.0)
      railties (= 5.0.0.1)
      sprockets-rails (>= 2.0.0)
    rails-dom-testing (2.0.1)
      activesupport (>= 4.2.0, < 6.0)
      nokogiri (~> 1.6.0)
    rails-html-sanitizer (1.0.3)
      loofah (~> 2.0)
    railties (5.0.0.1)
      actionpack (= 5.0.0.1)
      activesupport (= 5.0.0.1)
      method_source
      rake (>= 0.8.7)
      thor (>= 0.18.1, < 2.0)
    rake (11.3.0)
    rb-fsevent (0.9.7)
    rb-inotify (0.9.7)
      ffi (>= 0.5.0)
    rdoc (4.2.2)
      json (~> 1.4)
    redcarpet (3.3.4)
    rmagick (2.16.0)
    rmagick4j (0.4.0-java)
    ruby-rc4 (0.1.5)
    rubypants (0.5.1)
    rubyzip (1.2.0)
    sass (3.4.22)
    sass-rails (5.0.6)
      railties (>= 4.0.0, < 6)
      sass (~> 3.1)
      sprockets (>= 2.8, < 4.0)
      sprockets-rails (>= 2.0, < 4.0)
      tilt (>= 1.1, < 3)
    sdoc (0.4.2)
      json (~> 1.7, >= 1.7.7)
      rdoc (~> 4.0)
    spoon (0.0.6)
      ffi
    spring (2.0.0)
      activesupport (>= 4.2)
    spring-watcher-listen (2.0.1)
      listen (>= 2.7, < 4.0)
      spring (>= 1.2, < 3.0)
    sprockets (3.7.0)
      concurrent-ruby (~> 1.0)
      rack (> 1, < 3)
    sprockets-es6 (0.9.2)
      babel-source (>= 5.8.11)
      babel-transpiler
      sprockets (>= 3.0.0)
    sprockets-rails (3.2.0)
      actionpack (>= 4.0)
      activesupport (>= 4.0)
      sprockets (>= 3.0.0)
    stackprof (0.2.10)
    thor (0.19.1)
    thread_safe (0.3.5)
    thread_safe (0.3.5-java)
    tilt (2.0.5)
    timeliness (0.3.8)
    ttfunk (1.4.0)
    twitter-text (1.14.0)
      unf (~> 0.1.0)
    tzinfo (1.2.2)
      thread_safe (~> 0.1)
    tzinfo-data (1.2016.7)
      tzinfo (>= 1.0.0)
    uglifier (3.0.2)
      execjs (>= 0.3.0, < 3)
    unf (0.1.4)
      unf_ext
    unf (0.1.4-java)
    unf_ext (0.0.7.2)
    web-console (3.3.1)
      actionview (>= 5.0)
      activemodel (>= 5.0)
      debug_inspector
      railties (>= 5.0)
    webrobots (0.1.2)
    websocket-driver (0.6.4)
      websocket-extensions (>= 0.1.0)
    websocket-driver (0.6.4-java)
      websocket-extensions (>= 0.1.0)
    websocket-extensions (0.1.2)
    wikicloth (0.8.3)
      builder
      expression_parser
      htmlentities
      nokogiri
      twitter-text
    xpath (2.0.0)
      nokogiri (~> 1.3)
    yajl-ruby (1.2.1)

PLATFORMS
  java
  ruby

DEPENDENCIES
  activerecord-jdbcpostgresql-adapter!
  annotate (>= 2.7.1)
  authpwn_rails (>= 0.21.1)!
  autoprefixer-rails (>= 6.3.7)
  binary_fixtures (>= 0.1.3)
  binding_of_caller (>= 0.7.3.pre1)
  bower-rails (>= 0.10.0)
  byebug
  capybara (>= 2.6.2)
  coffee-rails (>= 4.2.1)
  contained_mr (>= 0.6.0)
  delayed_job (>= 4.1.2)
  delayed_job_active_record (>= 4.1.1)
  exception_notification (>= 4.0.1)
  faker (>= 1.4.3)
  flamegraph (>= 0.9.5)
  font-awesome-rails (>= 4.6.3.1)
  foreman (>= 0.82.0)
  foundation-rails (>= 6.2.3.0)
  gravatar-ultimate (>= 2.0.0)
  jbuilder (~> 2.4)
  jc-validates_timeliness (>= 3.1.1)
  jquery-rails (>= 4.1.1)
  launchy (>= 2.4.3)
  listen (~> 3.0.8)
  mail (>= 2.6.4)
  markdpwn (>= 0.2.0)
  mechanize (>= 2.7.4)
  mini_racer (>= 0.1.4)
  minitest-spec-rails (>= 5.3.0)
  mocha (>= 1.1.0)
  net-ldap (>= 0.14.0)
  nokogiri (>= 1.6.7.2)
  paperclip (>= 4.3.5)
  paperclip_database (>= 2.3.1)!
  pdf-reader (>= 1.4.0)
  pg (>= 0.18.4)
  poltergeist (>= 1.9.0)
  prawn (>= 2.0.2)
  prawn-table (>= 0.2.2)
  puma (>= 3.4.0)
  rack-mini-profiler (>= 0.9.9.2)
  rack-noie (>= 1.0)!
  railroady (>= 1.5.1)
  rails (>= 5.0.0)
  rmagick (>= 2.15.4)
  rmagick4j
  sass-rails (>= 5.0.5)
  sdoc
  spring
  spring-watcher-listen (~> 2.0.0)
  stackprof (>= 0.2.8)
  tzinfo-data
  uglifier (>= 3.0.0)
  web-console (>= 3.1.1)

BUNDLED WITH
   1.12.5
