GIT
  remote: https://github.com/bernat/best_in_place.git
  revision: df178520bf9ba405baee9528d5dbb630d6ff760c
  specs:
    best_in_place (2.1.0)
      jquery-rails
      rails (>= 3.1)

GIT
  remote: https://github.com/pwnall/mail.git
  revision: d367c0827b10161d7cc42fd22237daa9a7cedafd
  ref: mime2_25
  specs:
    mail (2.5.4)
      mime-types (>= 1.16)
      treetop (~> 1.4.8)

GIT
  remote: https://github.com/pwnall/paperclip_database.git
  revision: 04a96b29d12d616889315419ec6e6888e67d2d3e
  ref: contents_style
  specs:
    paperclip_database (2.2.1)
      paperclip (>= 2.3.0)
      rails (>= 3.0.0)

GEM
  remote: https://rubygems.org/
  specs:
    Ascii85 (1.0.2)
    RedCloth (4.2.9)
    actionmailer (4.0.2)
      actionpack (= 4.0.2)
      mail (~> 2.5.4)
    actionpack (4.0.2)
      activesupport (= 4.0.2)
      builder (~> 3.1.0)
      erubis (~> 2.7.0)
      rack (~> 1.5.2)
      rack-test (~> 0.6.2)
    activemodel (4.0.2)
      activesupport (= 4.0.2)
      builder (~> 3.1.0)
    activerecord (4.0.2)
      activemodel (= 4.0.2)
      activerecord-deprecated_finders (~> 1.0.2)
      activesupport (= 4.0.2)
      arel (~> 4.0.0)
    activerecord-deprecated_finders (1.0.3)
    activesupport (4.0.2)
      i18n (~> 0.6, >= 0.6.4)
      minitest (~> 4.2)
      multi_json (~> 1.3)
      thread_safe (~> 0.1)
      tzinfo (~> 0.3.37)
    afm (0.2.0)
    annotate (2.6.1)
      activerecord (>= 2.3.0)
      rake (>= 0.8.7)
    ansi (1.4.3)
    arel (4.0.1)
    atomic (1.1.14)
    authpwn_rails (0.15.1)
      fbgraph_rails (>= 0.2.2)
      rails (>= 3.2.16)
    better_errors (1.1.0)
      coderay (>= 1.0.0)
      erubis (>= 2.6.6)
    binary_fixtures (0.1.2)
      rails (>= 4.0.0)
    binding_of_caller (0.7.2)
      debug_inspector (>= 0.0.1)
    builder (3.1.4)
    chunky_png (1.2.9)
    climate_control (0.0.3)
      activesupport (>= 3.0)
    cocaine (0.5.3)
      climate_control (>= 0.0.3, < 1.0)
    coderay (1.1.0)
    coffee-rails (4.0.1)
      coffee-script (>= 2.2.0)
      railties (>= 4.0.0, < 5.0)
    coffee-script (2.2.0)
      coffee-script-source
      execjs
    coffee-script-source (1.7.0)
    columnize (0.3.6)
    compass (0.12.2)
      chunky_png (~> 1.2)
      fssm (>= 0.2.7)
      sass (~> 3.1)
    compass-rails (1.1.3)
      compass (>= 0.12.2)
    creole (0.5.0)
    daemons (1.1.9)
    daemonz (0.3.9)
      posix-spawn (>= 0.3.6)
      rails (>= 3.2.8)
      simple-daemon (>= 0.1.2)
      sys-proctable (>= 0.9.1)
      zerg_support (>= 0.1.5)
    debug_inspector (0.0.2)
    debugger (1.6.5)
      columnize (>= 0.3.1)
      debugger-linecache (~> 1.2.0)
      debugger-ruby_core_source (~> 1.3.1)
    debugger-linecache (1.2.0)
    debugger-ruby_core_source (1.3.1)
    delayed_job (4.0.0)
      activesupport (>= 3.0, < 4.1)
    delayed_job_active_record (4.0.0)
      activerecord (>= 3.0, < 4.1)
      delayed_job (>= 3.0, < 4.1)
    dynamic_form (1.1.4)
    erubis (2.7.0)
    eventmachine (1.0.3)
    exception_notification (4.0.1)
      actionmailer (>= 3.0.4)
      activesupport (>= 3.0.4)
    exec_sandbox (0.2.3)
      ffi (>= 1.0.11)
    execjs (2.0.2)
    expression_parser (0.9.0)
    faraday (0.9.0)
      multipart-post (>= 1.2, < 3)
    fbgraph (1.10.0)
      activesupport
      faraday (>= 0.7.5)
      hashie (>= 1.0.0)
      i18n
      json (>= 1.0.0)
      oauth2 (>= 0.5.0)
      rest-client
    fbgraph_rails (0.2.2)
      erubis (>= 2.7.0)
      fbgraph (>= 1.8.3)
      json (>= 1.6.1)
      oauth2 (>= 0.5.0)
      rails (>= 3.1.0)
    ffi (1.9.3)
    fssm (0.2.10)
    github-markup (1.0.0)
    gravatar-ultimate (2.0.0)
      activesupport (>= 2.3.14)
      rack
    hashery (2.1.1)
    hashie (2.0.5)
    hike (1.2.3)
    i18n (0.6.9)
    jbuilder (1.5.3)
      activesupport (>= 3.0.0)
      multi_json (>= 1.2.0)
    jquery-rails (3.1.0)
      railties (>= 3.0, < 5.0)
      thor (>= 0.14, < 2.0)
    jquery-ui-rails (4.1.1)
      railties (>= 3.1.0)
    json (1.8.1)
    jwt (0.1.11)
      multi_json (>= 1.5)
    libv8 (3.16.14.3)
    markdpwn (0.1.7)
      RedCloth (>= 4.2.9)
      creole (>= 0.5.0)
      github-markup (>= 0.7.5)
      org-ruby (>= 0.8.1)
      pygments.rb (>= 0.5.2)
      rdoc (~> 3.12)
      redcarpet (>= 3.0.0)
      wikicloth (>= 0.8.0)
    mime-types (2.1)
    mini_portile (0.5.2)
    minitest (4.7.5)
    minitest-rails (0.9.2)
      minitest (~> 4.7)
      rails (>= 3.0)
    mit_stalker (1.0.6)
    multi_json (1.8.4)
    multi_xml (0.5.5)
    multipart-post (2.0.0)
    mysql2 (0.3.15)
    nokogiri (1.6.1)
      mini_portile (~> 0.5.0)
    oauth2 (0.9.3)
      faraday (>= 0.8, < 0.10)
      jwt (~> 0.1.8)
      multi_json (~> 1.3)
      multi_xml (~> 0.5)
      rack (~> 1.2)
    org-ruby (0.8.3)
      rubypants (>= 0.2.0)
    paperclip (4.0.0)
      activemodel (>= 3.0.0)
      activesupport (>= 3.0.0)
      cocaine (~> 0.5.3)
      mime-types
    pdf-reader (1.3.3)
      Ascii85 (~> 1.0.0)
      afm (~> 0.2.0)
      hashery (~> 2.0)
      ruby-rc4
      ttfunk
    polyglot (0.3.3)
    posix-spawn (0.3.8)
    prawn (0.12.0)
      pdf-reader (>= 0.9.0)
      ttfunk (~> 1.0.2)
    pwnstyles_rails (0.1.32)
      compass-rails (>= 1.1.2)
      rails (>= 4.0.2)
      sass-rails (>= 4.0.1)
    pygments.rb (0.5.4)
      posix-spawn (~> 0.3.6)
      yajl-ruby (~> 1.1.0)
    rack (1.5.2)
    rack-noie (1.0)
    rack-test (0.6.2)
      rack (>= 1.0)
    railroady (1.1.1)
    rails (4.0.2)
      actionmailer (= 4.0.2)
      actionpack (= 4.0.2)
      activerecord (= 4.0.2)
      activesupport (= 4.0.2)
      bundler (>= 1.3.0, < 2.0)
      railties (= 4.0.2)
      sprockets-rails (~> 2.0.0)
    railties (4.0.2)
      actionpack (= 4.0.2)
      activesupport (= 4.0.2)
      rake (>= 0.8.7)
      thor (>= 0.18.1, < 2.0)
    rake (10.1.1)
    rdoc (3.12.2)
      json (~> 1.4)
    redcarpet (3.0.0)
    ref (1.0.5)
    rest-client (1.6.7)
      mime-types (>= 1.16)
    rinku (1.7.3)
    rmagick (2.13.2)
    ruby-rc4 (0.1.5)
    rubypants (0.2.0)
    sass (3.2.14)
    sass-rails (4.0.1)
      railties (>= 4.0.0, < 5.0)
      sass (>= 3.1.10)
      sprockets-rails (~> 2.0.0)
    sdoc (0.3.20)
      json (>= 1.1.3)
      rdoc (~> 3.10)
    simple-daemon (0.1.2)
    sprockets (2.10.1)
      hike (~> 1.2)
      multi_json (~> 1.0)
      rack (~> 1.0)
      tilt (~> 1.1, != 1.3.0)
    sprockets-rails (2.0.1)
      actionpack (>= 3.0)
      activesupport (>= 3.0)
      sprockets (~> 2.8)
    sys-proctable (0.9.3)
    therubyracer (0.12.0)
      libv8 (~> 3.16.14.0)
      ref
    thin (1.6.1)
      daemons (>= 1.0.9)
      eventmachine (>= 1.0.0)
      rack (>= 1.0.0)
    thor (0.18.1)
    thread_safe (0.1.3)
      atomic
    tilt (1.4.1)
    timeliness (0.3.7)
    treetop (1.4.15)
      polyglot
      polyglot (>= 0.3.1)
    trim_blobs (0.0.1)
      activerecord (>= 3.2.0)
    ttfunk (1.0.3)
    turn (0.9.6)
      ansi
    tzinfo (0.3.38)
    uglifier (2.4.0)
      execjs (>= 0.3.0)
      json (>= 1.8.0)
    validates_timeliness (3.0.14)
      timeliness (~> 0.3.6)
    wikicloth (0.8.1)
      builder
      expression_parser
      rinku
    yajl-ruby (1.1.0)
    zerg_support (0.1.6)
    zip (2.0.2)

PLATFORMS
  ruby

DEPENDENCIES
  annotate (>= 2.6.1)
  authpwn_rails (>= 0.15.1)
  best_in_place (>= 2.1.0)!
  better_errors
  binary_fixtures (>= 0.1.2)
  binding_of_caller
  coffee-rails (>= 4.0.1)
  daemons
  daemonz (>= 0.3.9)
  debugger
  delayed_job (>= 4.0.0)
  delayed_job_active_record (>= 4.0.0)
  dynamic_form (>= 1.1.4)
  exception_notification (>= 4.0.0)
  exec_sandbox (>= 0.2.3)
  gravatar-ultimate (>= 1.0.3)
  jbuilder (~> 1.5)
  jquery-rails (>= 3.1.0)
  jquery-ui-rails (>= 4.1.1)
  mail!
  markdpwn (>= 0.1.7)
  minitest-rails (>= 0.9.2)
  mit_stalker (>= 1.0.6)
  mysql2 (>= 0.3.15)
  nokogiri (>= 1.6.0)
  paperclip (>= 4.0.0)
  paperclip_database (>= 2.2.1)!
  pdf-reader (>= 1.3.0)
  prawn (~> 0.12.0)
  pwnstyles_rails (>= 0.1.32)
  rack-noie (>= 1.0)
  railroady (>= 1.0.6)
  rails (>= 4.0.1)
  rmagick (>= 2.13.2)
  sass-rails (>= 4.0.1)
  sdoc
  therubyracer (>= 0.12.0)
  thin (>= 1.6.1)
  trim_blobs
  turn (>= 0.9.6)
  uglifier (>= 2.4.0)
  validates_timeliness (>= 3.0.14)
  zip (>= 2.0.2)
