GIT
  remote: https://github.com/juliocesar/rack-noie.git
  revision: ce8313c6f327e5c524e3e903a05044ec31c98fd8
  ref: ce8313c6f327e5c524e3e903a05044ec31c98fd8
  specs:
    rack-noie (1.0)

GIT
  remote: https://github.com/pwnall/mail.git
  revision: d367c0827b10161d7cc42fd22237daa9a7cedafd
  ref: mime2_25
  specs:
    mail (2.5.4)
      mime-types (>= 1.16)
      treetop (~> 1.4.8)

GIT
  remote: https://github.com/pwnall/paperclip_database.git
  revision: 04a96b29d12d616889315419ec6e6888e67d2d3e
  ref: contents_style
  specs:
    paperclip_database (2.2.1)
      paperclip (>= 2.3.0)
      rails (>= 3.0.0)

GEM
  remote: https://rubygems.org/
  specs:
    Ascii85 (1.0.2)
    RedCloth (4.2.9)
    actionmailer (4.1.7)
      actionpack (= 4.1.7)
      actionview (= 4.1.7)
      mail (~> 2.5, >= 2.5.4)
    actionpack (4.1.7)
      actionview (= 4.1.7)
      activesupport (= 4.1.7)
      rack (~> 1.5.2)
      rack-test (~> 0.6.2)
    actionview (4.1.7)
      activesupport (= 4.1.7)
      builder (~> 3.1)
      erubis (~> 2.7.0)
    activemodel (4.1.7)
      activesupport (= 4.1.7)
      builder (~> 3.1)
    activerecord (4.1.7)
      activemodel (= 4.1.7)
      activesupport (= 4.1.7)
      arel (~> 5.0.0)
    activesupport (4.1.7)
      i18n (~> 0.6, >= 0.6.9)
      json (~> 1.7, >= 1.7.7)
      minitest (~> 5.1)
      thread_safe (~> 0.1)
      tzinfo (~> 1.1)
    afm (0.2.2)
    annotate (2.6.5)
      activerecord (>= 2.3.0)
      rake (>= 0.8.7)
    arel (5.0.1.20140414130214)
    asciidoctor (1.5.1)
    authpwn_rails (0.17.1)
      rails (>= 4.0.9)
    better_errors (2.0.0)
      coderay (>= 1.0.0)
      erubis (>= 2.6.6)
      rack (>= 0.9.0)
    binary_fixtures (0.1.3)
      rails (>= 4.1.0)
    binding_of_caller (0.7.2)
      debug_inspector (>= 0.0.1)
    builder (3.2.2)
    byebug (3.5.1)
      columnize (~> 0.8)
      debugger-linecache (~> 1.2)
      slop (~> 3.6)
    chunky_png (1.3.3)
    climate_control (0.0.3)
      activesupport (>= 3.0)
    cocaine (0.5.4)
      climate_control (>= 0.0.3, < 1.0)
    coderay (1.1.0)
    coffee-rails (4.1.0)
      coffee-script (>= 2.2.0)
      railties (>= 4.0.0, < 5.0)
    coffee-script (2.3.0)
      coffee-script-source
      execjs
    coffee-script-source (1.8.0)
    columnize (0.8.9)
    compass (0.12.7)
      chunky_png (~> 1.2)
      fssm (>= 0.2.7)
      sass (~> 3.2.19)
    compass-rails (2.0.0)
      compass (>= 0.12.2)
    creole (0.5.0)
    daemons (1.1.9)
    daemonz (0.3.9)
      posix-spawn (>= 0.3.6)
      rails (>= 3.2.8)
      simple-daemon (>= 0.1.2)
      sys-proctable (>= 0.9.1)
      zerg_support (>= 0.1.5)
    debug_inspector (0.0.2)
    debugger-linecache (1.2.0)
    delayed_job (4.0.4)
      activesupport (>= 3.0, < 4.2)
    delayed_job_active_record (4.0.2)
      activerecord (>= 3.0, < 4.2)
      delayed_job (>= 3.0, < 4.1)
    dynamic_form (1.1.4)
    erubis (2.7.0)
    eventmachine (1.0.3)
    exception_notification (4.0.1)
      actionmailer (>= 3.0.4)
      activesupport (>= 3.0.4)
    exec_sandbox (0.2.6)
      ffi (>= 1.9.3)
    execjs (2.2.2)
    expression_parser (0.9.0)
    faker (1.4.3)
      i18n (~> 0.5)
    ffi (1.9.6)
    fssm (0.2.10)
    github-markup (1.3.0)
      posix-spawn (~> 0.3.8)
    gravatar-ultimate (2.0.0)
      activesupport (>= 2.3.14)
      rack
    hashery (2.1.1)
    hike (1.2.3)
    i18n (0.6.11)
    jc-validates_timeliness (3.1.1)
      timeliness (~> 0.3.7)
    jquery-rails (3.1.2)
      railties (>= 3.0, < 5.0)
      thor (>= 0.14, < 2.0)
    json (1.8.1)
    libv8 (3.16.14.7)
    markdpwn (0.2.0)
      RedCloth (>= 4.2.9)
      asciidoctor (>= 0.1.4)
      creole (>= 0.5.0)
      github-markup (>= 1.2.1)
      org-ruby (>= 0.9.7)
      pygments.rb (>= 0.5.2)
      redcarpet (>= 3.1.2)
      wikicloth (>= 0.8.1)
    mime-types (2.4.3)
    mini_portile (0.6.1)
    minitest (5.4.2)
    minitest-rails (2.1.1)
      minitest (~> 5.4)
      railties (~> 4.1)
    mit_stalker (1.0.6)
    multi_json (1.10.1)
    mysql2 (0.3.16)
    nokogiri (1.6.4.1)
      mini_portile (~> 0.6.0)
    org-ruby (0.9.9)
      rubypants (~> 0.2)
    paperclip (4.2.0)
      activemodel (>= 3.0.0)
      activesupport (>= 3.0.0)
      cocaine (~> 0.5.3)
      mime-types
    pdf-reader (1.3.3)
      Ascii85 (~> 1.0.0)
      afm (~> 0.2.0)
      hashery (~> 2.0)
      ruby-rc4
      ttfunk
    polyglot (0.3.5)
    posix-spawn (0.3.9)
    prawn (0.12.0)
      pdf-reader (>= 0.9.0)
      ttfunk (~> 1.0.2)
    pwnstyles_rails (0.1.34)
      compass-rails (>= 2.0.0)
      rails (>= 4.1.7)
      sass-rails (>= 4.0.4)
    pygments.rb (0.6.0)
      posix-spawn (~> 0.3.6)
      yajl-ruby (~> 1.1.0)
    rack (1.5.2)
    rack-test (0.6.2)
      rack (>= 1.0)
    railroady (1.2.0)
    rails (4.1.7)
      actionmailer (= 4.1.7)
      actionpack (= 4.1.7)
      actionview (= 4.1.7)
      activemodel (= 4.1.7)
      activerecord (= 4.1.7)
      activesupport (= 4.1.7)
      bundler (>= 1.3.0, < 2.0)
      railties (= 4.1.7)
      sprockets-rails (~> 2.0)
    railties (4.1.7)
      actionpack (= 4.1.7)
      activesupport (= 4.1.7)
      rake (>= 0.8.7)
      thor (>= 0.18.1, < 2.0)
    rake (10.3.2)
    rdoc (4.1.2)
      json (~> 1.4)
    redcarpet (3.2.0)
    ref (1.0.5)
    rinku (1.7.3)
    rmagick (2.13.3)
    ruby-rc4 (0.1.5)
    rubypants (0.2.0)
    sass (3.2.19)
    sass-rails (4.0.4)
      railties (>= 4.0.0, < 5.0)
      sass (~> 3.2.2)
      sprockets (~> 2.8, < 2.12)
      sprockets-rails (~> 2.0)
    sdoc (0.4.1)
      json (~> 1.7, >= 1.7.7)
      rdoc (~> 4.0)
    simple-daemon (0.1.2)
    slop (3.6.0)
    sprockets (2.11.3)
      hike (~> 1.2)
      multi_json (~> 1.0)
      rack (~> 1.0)
      tilt (~> 1.1, != 1.3.0)
    sprockets-rails (2.2.0)
      actionpack (>= 3.0)
      activesupport (>= 3.0)
      sprockets (>= 2.8, < 4.0)
    sys-proctable (0.9.4)
    therubyracer (0.12.1)
      libv8 (~> 3.16.14.0)
      ref
    thin (1.6.3)
      daemons (~> 1.0, >= 1.0.9)
      eventmachine (~> 1.0)
      rack (~> 1.0)
    thor (0.19.1)
    thread_safe (0.3.4)
    tilt (1.4.1)
    timeliness (0.3.7)
    treetop (1.4.15)
      polyglot
      polyglot (>= 0.3.1)
    trim_blobs (0.0.2)
      activerecord (>= 3.2.0)
    ttfunk (1.0.3)
    tzinfo (1.2.2)
      thread_safe (~> 0.1)
    uglifier (2.5.3)
      execjs (>= 0.3.0)
      json (>= 1.8.0)
    wikicloth (0.8.1)
      builder
      expression_parser
      rinku
    yajl-ruby (1.1.0)
    zerg_support (0.1.6)
    zip (2.0.2)

PLATFORMS
  ruby

DEPENDENCIES
  annotate (>= 2.6.5)
  authpwn_rails (>= 0.16.2)
  better_errors
  binary_fixtures (>= 0.1.3)
  binding_of_caller
  byebug
  coffee-rails (>= 4.1.0)
  daemons
  daemonz (>= 0.3.9)
  delayed_job (>= 4.0.3)
  delayed_job_active_record (>= 4.0.1)
  dynamic_form (>= 1.1.4)
  exception_notification (>= 4.0.0)
  exec_sandbox (>= 0.2.6)
  faker (>= 1.2.0)
  gravatar-ultimate (>= 1.0.3)
  jc-validates_timeliness (>= 3.1.1)
  jquery-rails (>= 3.1.0)
  mail!
  markdpwn (>= 0.2.0)
  minitest-rails (>= 2.1.0)
  mit_stalker (>= 1.0.6)
  mysql2 (>= 0.3.16)
  nokogiri (>= 1.6.3.1)
  paperclip (>= 4.2.0)
  paperclip_database (>= 2.2.1)!
  pdf-reader (>= 1.3.0)
  prawn (~> 0.12.0)
  pwnstyles_rails (>= 0.1.34)
  rack-noie (>= 1.0)!
  railroady (>= 1.0.6)
  rails (>= 4.1.7)
  rmagick (>= 2.13.3)
  sass-rails (>= 4.0.3)
  sdoc
  therubyracer (>= 0.12.1)
  thin (>= 1.6.2)
  trim_blobs
  uglifier (>= 2.5.3)
  zip (>= 2.0.2)
