GIT
  remote: https://github.com/ctran/annotate_models.git
  revision: 983d36f6a028daa289f31c0fe3fa83df36825d25
  ref: 983d36f6a028daa289f31c0fe3fa83df36825d25
  specs:
    annotate (2.7.1)
      activerecord (>= 3.2, < 6.0)
      rake (>= 10.4, < 12.1)

GIT
  remote: https://github.com/jruby/activerecord-jdbc-adapter.git
  revision: 754c63c7ef169cb0c919c2d443cb343f164d779b
  specs:

GIT
  remote: https://github.com/pwnall/xmlrpc.git
  revision: 37c83877559664285322e0083b4d318bc21e8387
  branch: ruby_23
  specs:
    xmlrpc (0.2.1)

GEM
  remote: https://rubygems.org/
  specs:
    Ascii85 (1.0.2)
    RedCloth (4.3.2)
    actioncable (5.0.1)
      actionpack (= 5.0.1)
      nio4r (~> 1.2)
      websocket-driver (~> 0.6.1)
    actionmailer (5.0.1)
      actionpack (= 5.0.1)
      actionview (= 5.0.1)
      activejob (= 5.0.1)
      mail (~> 2.5, >= 2.5.4)
      rails-dom-testing (~> 2.0)
    actionpack (5.0.1)
      actionview (= 5.0.1)
      activesupport (= 5.0.1)
      rack (~> 2.0)
      rack-test (~> 0.6.3)
      rails-dom-testing (~> 2.0)
      rails-html-sanitizer (~> 1.0, >= 1.0.2)
    actionview (5.0.1)
      activesupport (= 5.0.1)
      builder (~> 3.1)
      erubis (~> 2.7.0)
      rails-dom-testing (~> 2.0)
      rails-html-sanitizer (~> 1.0, >= 1.0.2)
    activejob (5.0.1)
      activesupport (= 5.0.1)
      globalid (>= 0.3.6)
    activemodel (5.0.1)
      activesupport (= 5.0.1)
    activerecord (5.0.1)
      activemodel (= 5.0.1)
      activesupport (= 5.0.1)
      arel (~> 7.0)
    activesupport (5.0.1)
      concurrent-ruby (~> 1.0, >= 1.0.2)
      i18n (~> 0.7)
      minitest (~> 5.1)
      tzinfo (~> 1.1)
    addressable (2.5.0)
      public_suffix (~> 2.0, >= 2.0.2)
    afm (0.2.2)
    arel (7.1.4)
    asciidoctor (1.5.5)
    authpwn_rails (0.23.0)
      base32 (>= 0.3.2)
      rails (>= 5.0.0.1)
    autoprefixer-rails (6.7.3)
      execjs
    babel-source (5.8.35)
    babel-transpiler (0.7.0)
      babel-source (>= 4.0, < 6)
      execjs (~> 2.0)
    base32 (0.3.2)
    bigdecimal (1.3.1)
    binary_fixtures (0.1.3)
      rails (>= 4.1.0)
    binding_of_caller (0.7.3.pre1)
      debug_inspector (>= 0.0.1)
    bower-rails (0.11.0)
    builder (3.2.3)
    byebug (9.0.6)
    capybara (2.12.0)
      addressable
      mime-types (>= 1.16)
      nokogiri (>= 1.3.3)
      rack (>= 1.0.0)
      rack-test (>= 0.5.4)
      xpath (~> 2.0)
    cliver (0.3.2)
    coffee-rails (4.2.1)
      coffee-script (>= 2.2.0)
      railties (>= 4.0.0, < 5.2.x)
    coffee-script (2.4.1)
      coffee-script-source
      execjs
    coffee-script-source (1.12.2)
    concurrent-ruby (1.0.4)
    contained_mr (0.6.0)
      docker-api (>= 1.26.2)
      rubyzip (>= 1.1.7)
    creole (0.5.0)
    debug_inspector (0.0.2)
    delayed_job (4.1.2)
      activesupport (>= 3.0, < 5.1)
    delayed_job_active_record (4.1.1)
      activerecord (>= 3.0, < 5.1)
      delayed_job (>= 3.0, < 5)
    docker-api (1.33.2)
      excon (>= 0.38.0)
      json
    domain_name (0.5.20161129)
      unf (>= 0.0.5, < 1.0.0)
    erubis (2.7.0)
    exception_notification (4.2.1)
      actionmailer (>= 4.0, < 6)
      activesupport (>= 4.0, < 6)
    excon (0.55.0)
    execjs (2.7.0)
    expression_parser (0.9.0)
    faker (1.6.6)
      i18n (~> 0.5)
    ffi (1.9.17)
    file_blobs_rails (0.2.3)
      rails (>= 5.0.0.1)
    flamegraph (0.9.5)
    font-awesome-rails (4.7.0.1)
      railties (>= 3.2, < 5.1)
    foreman (0.83.0)
      thor (~> 0.19.1)
    foundation-rails (6.3.0.0)
      railties (>= 3.1.0)
      sass (>= 3.3.0, < 3.5)
      sprockets-es6 (>= 0.9.0)
    github-markup (1.4.1)
    globalid (0.3.7)
      activesupport (>= 4.1.0)
    gravatar-ultimate (2.0.0)
      activesupport (>= 2.3.14)
      rack
    hashery (2.1.2)
    htmlentities (4.3.4)
    http-cookie (1.0.3)
      domain_name (~> 0.5)
    i18n (0.8.0)
    io-console (0.4.6)
    jbuilder (2.6.1)
      activesupport (>= 3.0.0, < 5.1)
      multi_json (~> 1.2)
    jc-validates_timeliness (3.1.1)
      timeliness (~> 0.3.7)
    jquery-rails (4.2.2)
      rails-dom-testing (>= 1, < 3)
      railties (>= 4.2.0)
      thor (>= 0.14, < 2.0)
    json (1.8.6)
    launchy (2.4.3)
      addressable (~> 2.3)
    libv8 (5.3.332.38.3)
    listen (3.0.8)
      rb-fsevent (~> 0.9, >= 0.9.4)
      rb-inotify (~> 0.9, >= 0.9.7)
    loofah (2.0.3)
      nokogiri (>= 1.5.9)
    mail (2.6.4)
      mime-types (>= 1.16, < 4)
    markdpwn (0.2.0)
      RedCloth (>= 4.2.9)
      asciidoctor (>= 0.1.4)
      creole (>= 0.5.0)
      github-markup (>= 1.2.1)
      org-ruby (>= 0.9.7)
      pygments.rb (>= 0.5.2)
      redcarpet (>= 3.1.2)
      wikicloth (>= 0.8.1)
    mechanize (2.7.5)
      domain_name (~> 0.5, >= 0.5.1)
      http-cookie (~> 1.0)
      mime-types (>= 1.17.2)
      net-http-digest_auth (~> 1.1, >= 1.1.1)
      net-http-persistent (~> 2.5, >= 2.5.2)
      nokogiri (~> 1.6)
      ntlm-http (~> 0.1, >= 0.1.1)
      webrobots (>= 0.0.9, < 0.2)
    metaclass (0.0.4)
    method_source (0.8.2)
    mime-types (3.1)
      mime-types-data (~> 3.2015)
    mime-types-data (3.2016.0521)
    mini_portile2 (2.1.0)
    mini_racer (0.1.8)
      libv8 (~> 5.3)
    minitest (5.10.1)
    minitest-spec-rails (5.4.0)
      minitest (~> 5.0)
      rails (>= 4.1)
    mocha (1.2.1)
      metaclass (~> 0.0.1)
    multi_json (1.12.1)
    net-http-digest_auth (1.4.1)
    net-http-persistent (2.9.4)
    net-ldap (0.15.0)
    net-telnet (0.1.1)
    nio4r (1.2.1)
    nokogiri (1.7.0.1)
      mini_portile2 (~> 2.1.0)
    ntlm-http (0.1.1)
    openssl (2.0.3)
    org-ruby (0.9.12)
      rubypants (~> 0.2)
    pdf-core (0.6.1)
    pdf-reader (1.4.1)
      Ascii85 (~> 1.0.0)
      afm (~> 0.2.1)
      hashery (~> 2.0)
      ruby-rc4
      ttfunk
    pg (0.19.0)
    poltergeist (1.13.0)
      capybara (~> 2.1)
      cliver (~> 0.3.1)
      websocket-driver (>= 0.2.0)
    power_assert (1.0.1)
    prawn (2.1.0)
      pdf-core (~> 0.6.1)
      ttfunk (~> 1.4.0)
    prawn-table (0.2.2)
      prawn (>= 1.3.0, < 3.0.0)
    psych (2.2.2)
    public_suffix (2.0.5)
    puma (3.7.0)
    pygments.rb (1.1.1)
      multi_json (>= 1.0.0)
    rack (2.0.1)
    rack-mini-profiler (0.10.2)
      rack (>= 1.2.0)
    rack-test (0.6.3)
      rack (>= 1.0)
    railroady (1.5.2)
    rails (5.0.1)
      actioncable (= 5.0.1)
      actionmailer (= 5.0.1)
      actionpack (= 5.0.1)
      actionview (= 5.0.1)
      activejob (= 5.0.1)
      activemodel (= 5.0.1)
      activerecord (= 5.0.1)
      activesupport (= 5.0.1)
      bundler (>= 1.3.0, < 2.0)
      railties (= 5.0.1)
      sprockets-rails (>= 2.0.0)
    rails-dom-testing (2.0.2)
      activesupport (>= 4.2.0, < 6.0)
      nokogiri (~> 1.6)
    rails-html-sanitizer (1.0.3)
      loofah (~> 2.0)
    railties (5.0.1)
      actionpack (= 5.0.1)
      activesupport (= 5.0.1)
      method_source
      rake (>= 0.8.7)
      thor (>= 0.18.1, < 2.0)
    rake (12.0.0)
    rb-fsevent (0.9.8)
    rb-inotify (0.9.8)
      ffi (>= 0.5.0)
    rdoc (4.3.0)
    redcarpet (3.4.0)
    ruby-rc4 (0.1.5)
    rubypants (0.6.0)
    rubyzip (1.2.1)
    sass (3.4.23)
    sass-rails (5.0.6)
      railties (>= 4.0.0, < 6)
      sass (~> 3.1)
      sprockets (>= 2.8, < 4.0)
      sprockets-rails (>= 2.0, < 4.0)
      tilt (>= 1.1, < 3)
    sdoc (0.4.2)
      json (~> 1.7, >= 1.7.7)
      rdoc (~> 4.0)
    spring (2.0.1)
      activesupport (>= 4.2)
    spring-watcher-listen (2.0.1)
      listen (>= 2.7, < 4.0)
      spring (>= 1.2, < 3.0)
    sprockets (3.7.1)
      concurrent-ruby (~> 1.0)
      rack (> 1, < 3)
    sprockets-es6 (0.9.2)
      babel-source (>= 5.8.11)
      babel-transpiler
      sprockets (>= 3.0.0)
    sprockets-rails (3.2.0)
      actionpack (>= 4.0)
      activesupport (>= 4.0)
      sprockets (>= 3.0.0)
    stackprof (0.2.10)
    test-unit (3.2.3)
      power_assert
    thor (0.19.4)
    thread_safe (0.3.5)
    tilt (2.0.6)
    timeliness (0.3.8)
    ttfunk (1.4.0)
    twitter-text (1.14.5)
      unf (~> 0.1.0)
    tzinfo (1.2.2)
      thread_safe (~> 0.1)
    uglifier (3.0.4)
      execjs (>= 0.3.0, < 3)
    unf (0.1.4)
      unf_ext
    unf_ext (0.0.7.2)
    web-console (3.4.0)
      actionview (>= 5.0)
      activemodel (>= 5.0)
      debug_inspector
      railties (>= 5.0)
    webrobots (0.1.2)
    websocket-driver (0.6.5)
      websocket-extensions (>= 0.1.0)
    websocket-extensions (0.1.2)
    wikicloth (0.8.3)
      builder
      expression_parser
      htmlentities
      nokogiri
      twitter-text
    xpath (2.0.0)
      nokogiri (~> 1.3)

PLATFORMS
  ruby

DEPENDENCIES
  activerecord-jdbcpostgresql-adapter!
  annotate (>= 2.7.1)!
  authpwn_rails (>= 0.22.0)
  autoprefixer-rails (>= 6.7.3)
  bigdecimal (>= 1.3.1)
  binary_fixtures (>= 0.1.3)
  binding_of_caller (>= 0.7.3.pre1)
  bower-rails (>= 0.10.0)
  byebug
  capybara (>= 2.6.2)
  coffee-rails (>= 4.2.1)
  contained_mr (>= 0.6.0)
  delayed_job (>= 4.1.2)
  delayed_job_active_record (>= 4.1.1)
  exception_notification (>= 4.0.1)
  faker (>= 1.6.6, < 1.7)
  file_blobs_rails (>= 0.2.3)
  flamegraph (>= 0.9.5)
  font-awesome-rails (>= 4.7.0.1)
  foreman (>= 0.82.0)
  foundation-rails (>= 6.3.0.0)
  gravatar-ultimate (>= 2.0.0)
  io-console (>= 0.4.6)
  jbuilder (~> 2.4)
  jc-validates_timeliness (>= 3.1.1)
  jquery-rails (>= 4.2.2)
  json (>= 1.8.6)
  launchy (>= 2.4.3)
  listen (~> 3.0.8)
  mail (>= 2.6.4)
  markdpwn (>= 0.2.0)
  mechanize (>= 2.7.4)
  mini_racer (>= 0.1.8)
  minitest (>= 5.10.1)
  minitest-spec-rails (>= 5.3.0)
  mocha (>= 1.1.0)
  net-ldap (>= 0.14.0)
  net-telnet (>= 0.1.1)
  nokogiri (>= 1.6.7.2)
  openssl (>= 2.0.3)
  pdf-reader (>= 1.4.0)
  pg (>= 0.19.0)
  poltergeist (>= 1.9.0)
  power_assert (>= 1.0.1)
  prawn (>= 2.0.2)
  prawn-table (>= 0.2.2)
  psych (>= 2.2.2)
  puma (>= 3.6.2)
  rack-mini-profiler (>= 0.10.2)
  railroady (>= 1.5.1)
  rails (>= 5.0.0.1)
  rake (>= 12.0.0)
  sass-rails (>= 5.0.6)
  sdoc
  spring
  spring-watcher-listen (~> 2.0.0)
  stackprof (>= 0.2.10)
  test-unit (>= 3.2.3)
  tzinfo-data
  uglifier (>= 3.0.4)
  web-console (>= 3.1.1)
  xmlrpc (>= 0.2.1)!

RUBY VERSION
   ruby 2.4.0p0

BUNDLED WITH
   1.14.4
