GIT
  remote: git://github.com/rails/rails.git
  revision: 6cbd085
  specs:
    actionmailer (3.0.0.beta4)
      actionpack (= 3.0.0.beta4)
      mail (~> 2.2.5)
    actionpack (3.0.0.beta4)
      activemodel (= 3.0.0.beta4)
      activesupport (= 3.0.0.beta4)
      builder (~> 2.1.2)
      erubis (~> 2.6.6)
      i18n (~> 0.4.1)
      rack (~> 1.2.1)
      rack-mount (~> 0.6.9)
      rack-test (~> 0.5.4)
      tzinfo (~> 0.3.22)
    activemodel (3.0.0.beta4)
      activesupport (= 3.0.0.beta4)
      builder (~> 2.1.2)
      i18n (~> 0.4.1)
    activerecord (3.0.0.beta4)
      activemodel (= 3.0.0.beta4)
      activesupport (= 3.0.0.beta4)
      arel (~> 0.4.0)
      tzinfo (~> 0.3.22)
    activeresource (3.0.0.beta4)
      activemodel (= 3.0.0.beta4)
      activesupport (= 3.0.0.beta4)
    activesupport (3.0.0.beta4)
    rails (3.0.0.beta4)
      actionmailer (= 3.0.0.beta4)
      actionpack (= 3.0.0.beta4)
      activerecord (= 3.0.0.beta4)
      activeresource (= 3.0.0.beta4)
      activesupport (= 3.0.0.beta4)
      bundler (>= 1.0.0.beta.5)
      railties (= 3.0.0.beta4)
    railties (3.0.0.beta4)
      actionpack (= 3.0.0.beta4)
      activesupport (= 3.0.0.beta4)
      rake (>= 0.8.3)
      thor (~> 0.13.7)

GIT
  remote: git://github.com/sandal/prawn.git
  revision: bea36f1
  submodules: true
  specs:
    prawn (0.10.0)
      pdf-reader (>= 0.8.1)

GEM
  remote: http://rubygems.org/
  specs:
    Ascii85 (1.0.0)
    abstract (1.0.0)
    arel (0.4.0)
      activesupport (>= 3.0.0.beta)
    builder (2.1.2)
    daemonz (0.3.2)
      simple-daemon
      zerg_support
    erubis (2.6.6)
      abstract (>= 1.0.0)
    eventmachine (0.12.10)
    fastercsv (1.5.3)
    flexmock (0.8.7)
    gravtastic (2.2.0)
    i18n (0.4.1)
    json (1.4.3)
    mail (2.2.5)
      activesupport (>= 2.3.6)
      mime-types
      treetop (>= 1.4.5)
    memcache-client (1.8.5)
    mime-types (1.16)
    mit_stalker (1.0.3)
    mysql (2.8.1)
    pdf-reader (0.8.5)
      Ascii85 (>= 0.9)
    polyglot (0.3.1)
    rack (1.2.1)
    rack-mount (0.6.9)
      rack (>= 1.0.0)
    rack-test (0.5.4)
      rack (>= 1.0)
    rake (0.8.7)
    rmagick (2.13.1)
    simple-daemon (0.1.2)
    sqlite3-ruby (1.3.1)
    starling (0.10.1)
      eventmachine (>= 0.12.0)
      memcache-client (>= 1.7.0)
    system_timer (1.0)
    thor (0.13.8)
    treetop (1.4.8)
      polyglot (>= 0.3.1)
    tzinfo (0.3.22)
    zerg_support (0.1.5)

PLATFORMS
  ruby

DEPENDENCIES
  daemonz
  fastercsv
  flexmock
  gravtastic
  json
  mit_stalker
  mysql
  prawn!
  rails!
  rmagick
  simple-daemon
  sqlite3-ruby
  starling
  system_timer
  zerg_support
