GIT
  remote: https://github.com/blowmage/minitest-rails.git
  revision: acea177b38d78d723a1ff236b8b013410c3ca3be
  branch: rails5
  specs:
    minitest-rails (3.0.0.20141204144115)
      minitest (~> 5.4)
      railties (~> 5.0.0.alpha)

GIT
  remote: https://github.com/juliocesar/rack-noie.git
  revision: ce8313c6f327e5c524e3e903a05044ec31c98fd8
  ref: ce8313c6f327e5c524e3e903a05044ec31c98fd8
  specs:
    rack-noie (1.0)

GIT
  remote: https://github.com/pwnall/authpwn_rails.git
  revision: e7b9c7d4218aa8620f2b70d2c9a246a581e49abe
  branch: rails5
  specs:
    authpwn_rails (0.18.2)
      rails (>= 4.0.13)

GIT
  remote: https://github.com/pwnall/delayed_job.git
  revision: b1b0f982f852288e13e287ec49597c09ea95b408
  branch: rails5
  specs:
    delayed_job (4.0.6)
      activesupport (>= 3.0)

GIT
  remote: https://github.com/pwnall/delayed_job_active_record.git
  revision: 55a74ca4718c75d5181d38c28343b5c1a6846bd9
  branch: rails5
  specs:
    delayed_job_active_record (4.0.3)
      activerecord (>= 3.0)
      delayed_job (>= 3.0, < 4.1)

GIT
  remote: https://github.com/pwnall/paperclip_database.git
  revision: bad4fa153c2f6a87d95f76721cb4032457e92294
  branch: rails5
  specs:
    paperclip_database (2.3.1)
      paperclip (>= 2.3.0)

GIT
  remote: https://github.com/rails/arel
  revision: 4767bb11c280f97262d221c47af8d39ab4fd583f
  branch: master
  specs:
    arel (7.0.0.alpha)

GIT
  remote: https://github.com/rails/rails
  revision: ae5f2b4e79f3e41aad8280109d8bfc788a1a2733
  ref: ae5f2b4e79f3e41aad8280109d8bfc788a1a2733
  branch: master
  specs:
    actionmailer (5.0.0.alpha)
      actionpack (= 5.0.0.alpha)
      actionview (= 5.0.0.alpha)
      activejob (= 5.0.0.alpha)
      mail (~> 2.5, >= 2.5.4)
      rails-dom-testing (~> 1.0, >= 1.0.5)
    actionpack (5.0.0.alpha)
      actionview (= 5.0.0.alpha)
      activesupport (= 5.0.0.alpha)
      rack (~> 1.6)
      rack-test (~> 0.6.3)
      rails-dom-testing (~> 1.0, >= 1.0.5)
      rails-html-sanitizer (~> 1.0, >= 1.0.2)
    actionview (5.0.0.alpha)
      activesupport (= 5.0.0.alpha)
      builder (~> 3.1)
      erubis (~> 2.7.0)
      rails-dom-testing (~> 1.0, >= 1.0.5)
      rails-html-sanitizer (~> 1.0, >= 1.0.2)
    activejob (5.0.0.alpha)
      activesupport (= 5.0.0.alpha)
      globalid (>= 0.3.0)
    activemodel (5.0.0.alpha)
      activesupport (= 5.0.0.alpha)
      builder (~> 3.1)
    activerecord (5.0.0.alpha)
      activemodel (= 5.0.0.alpha)
      activesupport (= 5.0.0.alpha)
      arel (= 7.0.0.alpha)
    activesupport (5.0.0.alpha)
      i18n (~> 0.7)
      json (~> 1.7, >= 1.7.7)
      minitest (~> 5.1)
      thread_safe (~> 0.3, >= 0.3.4)
      tzinfo (~> 1.1)
    rails (5.0.0.alpha)
      actionmailer (= 5.0.0.alpha)
      actionpack (= 5.0.0.alpha)
      actionview (= 5.0.0.alpha)
      activejob (= 5.0.0.alpha)
      activemodel (= 5.0.0.alpha)
      activerecord (= 5.0.0.alpha)
      activesupport (= 5.0.0.alpha)
      bundler (>= 1.3.0, < 2.0)
      railties (= 5.0.0.alpha)
      sprockets-rails
    railties (5.0.0.alpha)
      actionpack (= 5.0.0.alpha)
      activesupport (= 5.0.0.alpha)
      method_source
      rake (>= 0.8.7)
      thor (>= 0.18.1, < 2.0)

GIT
  remote: https://github.com/rails/sprockets-rails
  revision: 34ae184693db41b4e3338940073af9d728881a9c
  branch: master
  specs:
    sprockets-rails (3.0.0.beta1)
      actionpack (>= 4.0)
      activesupport (>= 4.0)
      sprockets (>= 3.0.0, < 4.0)

GEM
  remote: https://rubygems.org/
  specs:
    Ascii85 (1.0.2)
    RedCloth (4.2.9)
    afm (0.2.2)
    annotate (2.6.7)
      activerecord (>= 2.3.0)
      rake (~> 10.4.2, >= 10.4.2)
    asciidoctor (1.5.2)
    better_errors (2.1.1)
      coderay (>= 1.0.0)
      erubis (>= 2.6.6)
      rack (>= 0.9.0)
    binary_fixtures (0.1.3)
      rails (>= 4.1.0)
    binding_of_caller (0.7.2)
      debug_inspector (>= 0.0.1)
    builder (3.2.2)
    byebug (5.0.0)
      columnize (= 0.9.0)
    climate_control (0.0.3)
      activesupport (>= 3.0)
    cocaine (0.5.7)
      climate_control (>= 0.0.3, < 1.0)
    coderay (1.1.0)
    coffee-rails (4.1.0)
      coffee-script (>= 2.2.0)
      railties (>= 4.0.0, < 5.0)
    coffee-script (2.4.1)
      coffee-script-source
      execjs
    coffee-script-source (1.9.1.1)
    columnize (0.9.0)
    creole (0.5.0)
    daemons (1.2.3)
    debug_inspector (0.0.2)
    dynamic_form (1.1.4)
    erubis (2.7.0)
    eventmachine (1.0.7)
    exception_notification (4.1.1)
      actionmailer (>= 3.0.4)
      activesupport (>= 3.0.4)
    exec_sandbox (0.3.0)
      ffi (>= 1.9.6)
    execjs (2.5.2)
    expression_parser (0.9.0)
    faker (1.4.3)
      i18n (~> 0.5)
    ffi (1.9.9)
    foreman (0.78.0)
      thor (~> 0.19.1)
    github-markup (1.3.3)
    globalid (0.3.5)
      activesupport (>= 4.1.0)
    gravatar-ultimate (2.0.0)
      activesupport (>= 2.3.14)
      rack
    hashery (2.1.1)
    htmlentities (4.3.3)
    i18n (0.7.0)
    jc-validates_timeliness (3.1.1)
      timeliness (~> 0.3.7)
    jquery-rails (4.0.4)
      rails-dom-testing (~> 1.0)
      railties (>= 4.2.0)
      thor (>= 0.14, < 2.0)
    json (1.8.3)
    loofah (2.0.2)
      nokogiri (>= 1.5.9)
    m (1.3.4)
      method_source (>= 0.6.7)
      rake (>= 0.9.2.2)
    mail (2.6.3)
      mime-types (>= 1.16, < 3)
    markdpwn (0.2.0)
      RedCloth (>= 4.2.9)
      asciidoctor (>= 0.1.4)
      creole (>= 0.5.0)
      github-markup (>= 1.2.1)
      org-ruby (>= 0.9.7)
      pygments.rb (>= 0.5.2)
      redcarpet (>= 3.1.2)
      wikicloth (>= 0.8.1)
    method_source (0.8.2)
    mime-types (2.6.1)
    mimemagic (0.3.0)
    mini_portile (0.6.2)
    minitest (5.7.0)
    mit_stalker (1.0.6)
    mysql2 (0.3.18)
    nokogiri (1.6.6.2)
      mini_portile (~> 0.6.0)
    org-ruby (0.9.12)
      rubypants (~> 0.2)
    paperclip (4.3.0)
      activemodel (>= 3.2.0)
      activesupport (>= 3.2.0)
      cocaine (~> 0.5.5)
      mime-types
      mimemagic (= 0.3.0)
    pdf-reader (1.3.3)
      Ascii85 (~> 1.0.0)
      afm (~> 0.2.0)
      hashery (~> 2.0)
      ruby-rc4
      ttfunk
    posix-spawn (0.3.11)
    prawn (0.12.0)
      pdf-reader (>= 0.9.0)
      ttfunk (~> 1.0.2)
    pwnstyles_rails (0.2.1)
      rails (>= 4.1.8)
      sass-rails (>= 5.0.0)
    pygments.rb (0.6.3)
      posix-spawn (~> 0.3.6)
      yajl-ruby (~> 1.2.0)
    rack (1.6.4)
    rack-test (0.6.3)
      rack (>= 1.0)
    railroady (1.3.0)
    rails-deprecated_sanitizer (1.0.3)
      activesupport (>= 4.2.0.alpha)
    rails-dom-testing (1.0.6)
      activesupport (>= 4.2.0.beta, < 5.0)
      nokogiri (~> 1.6.0)
      rails-deprecated_sanitizer (>= 1.0.1)
    rails-html-sanitizer (1.0.2)
      loofah (~> 2.0)
    rake (10.4.2)
    rdoc (4.2.0)
    redcarpet (3.3.2)
    rmagick (2.15.2)
    ruby-rc4 (0.1.5)
    rubypants (0.2.0)
    sass (3.4.15)
    sass-rails (5.0.3)
      railties (>= 4.0.0, < 5.0)
      sass (~> 3.1)
      sprockets (>= 2.8, < 4.0)
      sprockets-rails (>= 2.0, < 4.0)
      tilt (~> 1.1)
    sdoc (0.4.1)
      json (~> 1.7, >= 1.7.7)
      rdoc (~> 4.0)
    sprockets (3.2.0)
      rack (~> 1.0)
    thin (1.6.3)
      daemons (~> 1.0, >= 1.0.9)
      eventmachine (~> 1.0)
      rack (~> 1.0)
    thor (0.19.1)
    thread_safe (0.3.5)
    tilt (1.4.1)
    timeliness (0.3.7)
    trim_blobs (0.0.2)
      activerecord (>= 3.2.0)
    ttfunk (1.0.3)
    twitter-text (1.12.0)
      unf (~> 0.1.0)
    tzinfo (1.2.2)
      thread_safe (~> 0.1)
    uglifier (2.7.1)
      execjs (>= 0.3.0)
      json (>= 1.8.0)
    unf (0.1.4)
      unf_ext
    unf_ext (0.0.7.1)
    wikicloth (0.8.3)
      builder
      expression_parser
      htmlentities
      nokogiri
      twitter-text
    yajl-ruby (1.2.1)
    zip (2.0.2)

PLATFORMS
  ruby

DEPENDENCIES
  annotate (>= 2.6.5)
  arel!
  authpwn_rails (>= 0.17.2)!
  better_errors
  binary_fixtures (>= 0.1.3)
  binding_of_caller
  byebug
  coffee-rails (>= 4.1.0)
  daemons
  delayed_job (>= 4.0.6)!
  delayed_job_active_record (>= 4.0.3)!
  dynamic_form (>= 1.1.4)
  exception_notification (>= 4.0.1)
  exec_sandbox (>= 0.3.0)
  faker (>= 1.4.3)
  foreman (>= 0.78.0)
  gravatar-ultimate (>= 2.0.0)
  jc-validates_timeliness (>= 3.1.1)
  jquery-rails (>= 4.0.3)
  m
  mail (>= 2.6.3)
  markdpwn (>= 0.2.0)
  minitest-rails!
  mit_stalker (>= 1.0.6)
  mysql2 (>= 0.3.18)
  nokogiri (>= 1.6.6.2)
  paperclip (>= 4.2.1)
  paperclip_database (>= 2.3.1)!
  pdf-reader (>= 1.3.3)
  prawn (~> 0.12.0)
  pwnstyles_rails (>= 0.2.1)
  rack-noie (>= 1.0)!
  railroady (>= 1.3.0)
  rails!
  rmagick (>= 2.14.0)
  sass-rails (>= 5.0.3)
  sdoc
  sprockets-rails!
  thin (>= 1.6.3)
  trim_blobs
  uglifier (>= 2.7.0)
  zip (>= 2.0.2)

BUNDLED WITH
   1.10.5
